{
  "bids_meta": {
    "AcquisitionMatrix": [
      0,
      256,
      246,
      0
    ],
    "EchoTime": 0.00247,
    "EchoTrainLength": 1,
    "FlipAngle": 9,
    "InversionTime": 0.9,
    "MagneticFieldStrength": 3,
    "Manufacturer": "Siemens",
    "ManufacturersModelName": "Verio",
    "NumberOfAverages": 1,
    "PercentPhaseFOV": 100,
    "PhaseEncodingSteps": 246,
    "PixelBandwidth": 170,
    "ProtocolName": "t1_mpr_sag_p2_iso",
    "RepetitionTime": 1.9,
    "ScanOptions": "IR",
    "ScanningSequence": "GR\\IR",
    "SequenceVariant": "SP\\MP\\OSP",
    "SeriesDescription": "t1_mpr_ns_sag_p2_iso",
    "SliceThickness": 1,
    "SoftwareVersions": "syngo MR B17",
    "dataset": "ds003763",
    "modality": "T1w",
    "subject_id": "10539"
  },
  "cjv": 0.41058093104843124,
  "cnr": 3.373892798888312,
  "efc": 0.5810385808726934,
  "fber": 13739.489583706838,
  "fwhm_avg": 4.29186739641438,
  "fwhm_x": 4.22784,
  "fwhm_y": 4.4112796292431415,
  "fwhm_z": 4.236482560000001,
  "icvs_csf": 0.22024874808438633,
  "icvs_gm": 0.39026437602939024,
  "icvs_wm": 0.38948687588622344,
  "inu_med": 0.45156368613243103,
  "inu_range": 0.16217173635959625,
  "provenance": {
    "md5sum": "9c3eabe06a5939880d5218083e4942f2",
    "settings": {
      "testing": false
    },
    "software": "mriqc",
    "version": "22.0.6",
    "warnings": {
      "large_rot_frame": true,
      "small_air_mask": false
    },
    "webapi_port": null,
    "webapi_url": "https://mriqc.nimh.nih.gov/api/v1"
  },
  "qi_1": 1.1687437840918388e-05,
  "qi_2": 0.014383591653682712,
  "rpve_csf": 25.675278240765632,
  "rpve_gm": 14.421619752473429,
  "rpve_wm": 17.33742671034415,
  "size_x": 176,
  "size_y": 256,
  "size_z": 256,
  "snr_csf": 2.755340415612158,
  "snr_gm": 12.314762824432531,
  "snr_total": 13.125823854961366,
  "snr_wm": 24.30736832483941,
  "snrd_csf": 24.910163001792817,
  "snrd_gm": 63.45233004346805,
  "snrd_total": 57.63482976035781,
  "snrd_wm": 84.54199623581256,
  "spacing_x": 1.0,
  "spacing_y": 0.9765624403953552,
  "spacing_z": 0.9765625,
  "summary_bg_k": 18.316495183083557,
  "summary_bg_mad": 0.0,
  "summary_bg_mean": 4.448719801099498,
  "summary_bg_median": 0.0,
  "summary_bg_n": 1619801.0,
  "summary_bg_p05": 0.0,
  "summary_bg_p95": 19.556209594011307,
  "summary_bg_stdv": 7.7495422380193135,
  "summary_csf_k": 0.7577223935499178,
  "summary_csf_mad": 94.44606169358534,
  "summary_csf_mean": 307.9136386894599,
  "summary_csf_median": 294.659799605608,
  "summary_csf_n": 37245.0,
  "summary_csf_p05": 158.20005432367324,
  "summary_csf_p95": 510.63005882501517,
  "summary_csf_stdv": 106.93990557879229,
  "summary_gm_k": -0.12113184387500153,
  "summary_gm_mad": 62.696109039146016,
  "summary_gm_mean": 749.9654201641589,
  "summary_gm_median": 750.5711967349052,
  "summary_gm_n": 16696.0,
  "summary_gm_p05": 649.5275534018874,
  "summary_gm_p95": 848.0521246567369,
  "summary_gm_stdv": 60.94707056264725,
  "summary_wm_k": 0.4357412727052816,
  "summary_wm_mad": 39.730501332499124,
  "summary_wm_mean": 1001.1719092452812,
  "summary_wm_median": 1000.0387258529663,
  "summary_wm_n": 227373.0,
  "summary_wm_p05": 936.0260239541531,
  "summary_wm_p95": 1070.3636300563812,
  "summary_wm_stdv": 41.141291536429954,
  "tpm_overlap_csf": 0.16083151196438442,
  "tpm_overlap_gm": 0.446238618530715,
  "tpm_overlap_wm": 0.5227430900179174,
  "wm2max": 0.46731813246471227
}