{
  "bids_meta": {
    "AcquisitionMatrix": [
      0,
      256,
      246,
      0
    ],
    "EchoTime": 0.00247,
    "EchoTrainLength": 1,
    "FlipAngle": 9,
    "InversionTime": 0.9,
    "MagneticFieldStrength": 3,
    "Manufacturer": "Siemens",
    "ManufacturersModelName": "Verio",
    "NumberOfAverages": 1,
    "PercentPhaseFOV": 100,
    "PhaseEncodingSteps": 246,
    "PixelBandwidth": 170,
    "ProtocolName": "t1_mpr_sag_p2_iso",
    "RepetitionTime": 1.9,
    "ScanOptions": "IR",
    "ScanningSequence": "GR\\IR",
    "SequenceVariant": "SP\\MP\\OSP",
    "SeriesDescription": "t1_mpr_ns_sag_p2_iso",
    "SliceThickness": 1,
    "SoftwareVersions": "syngo MR B17",
    "dataset": "ds003763",
    "modality": "T1w",
    "subject_id": "09261"
  },
  "cjv": 0.39380821785987596,
  "cnr": 3.5291447031969008,
  "efc": 0.5978999074319346,
  "fber": 21009.143615722656,
  "fwhm_avg": 4.189936981067505,
  "fwhm_x": 4.18832,
  "fwhm_y": 4.207369983202516,
  "fwhm_z": 4.17412096,
  "icvs_csf": 0.1978716903588479,
  "icvs_gm": 0.4060968405130798,
  "icvs_wm": 0.3960314691280723,
  "inu_med": 0.41287463903427124,
  "inu_range": 0.14668319821357728,
  "provenance": {
    "md5sum": "30c90faca721f5fa8a1815a10db541b1",
    "settings": {
      "testing": false
    },
    "software": "mriqc",
    "version": "22.0.6",
    "warnings": {
      "large_rot_frame": true,
      "small_air_mask": false
    },
    "webapi_port": null,
    "webapi_url": "https://mriqc.nimh.nih.gov/api/v1"
  },
  "qi_1": 0.0,
  "qi_2": 0.017206271750786956,
  "rpve_csf": 25.432514384145474,
  "rpve_gm": 12.797920580022668,
  "rpve_wm": 15.48600065204481,
  "size_x": 176,
  "size_y": 256,
  "size_z": 256,
  "snr_csf": 2.5814907840464754,
  "snr_gm": 14.350217275706237,
  "snr_total": 13.808870632081394,
  "snr_wm": 24.49490383649147,
  "snrd_csf": 30.359800659986483,
  "snrd_gm": 71.9305650064659,
  "snrd_total": 65.55020014138023,
  "snrd_wm": 94.3602347576883,
  "spacing_x": 1.0,
  "spacing_y": 0.9765625596046448,
  "spacing_z": 0.9765625,
  "summary_bg_k": 7.965119418668971,
  "summary_bg_mad": 0.0,
  "summary_bg_mean": 4.035798950929542,
  "summary_bg_median": 0.0,
  "summary_bg_n": 1714840.0,
  "summary_bg_p05": 0.0,
  "summary_bg_p95": 18.13407650589943,
  "summary_bg_stdv": 6.943213437835415,
  "summary_csf_k": 2.153657609661181,
  "summary_csf_mad": 102.52424429658534,
  "summary_csf_mean": 332.29320227336643,
  "summary_csf_median": 321.75677601248026,
  "summary_csf_n": 31820.0,
  "summary_csf_p05": 118.4828043922782,
  "summary_csf_p95": 550.5087148502469,
  "summary_csf_stdv": 124.63795031621683,
  "summary_gm_k": -0.0034122974198509404,
  "summary_gm_mad": 53.52793531948686,
  "summary_gm_mean": 762.1114165219775,
  "summary_gm_median": 762.3286777287722,
  "summary_gm_n": 23910.0,
  "summary_gm_p05": 674.2019891887903,
  "summary_gm_p95": 848.0573192737996,
  "summary_gm_stdv": 53.12203441156666,
  "summary_wm_k": 0.27706353924348637,
  "summary_wm_mad": 40.08512429038846,
  "summary_wm_mean": 1001.1302921601163,
  "summary_wm_median": 1000.0409837812185,
  "summary_wm_n": 240672.0,
  "summary_wm_p05": 936.2024701088667,
  "summary_wm_p95": 1069.8694865256548,
  "summary_wm_stdv": 40.82640670292457,
  "tpm_overlap_csf": 0.17188389226228942,
  "tpm_overlap_gm": 0.45985316541579374,
  "tpm_overlap_wm": 0.5297995887014562,
  "wm2max": 0.4968507307527671
}