{
  "bids_meta": {
    "AcquisitionMatrix": [
      0,
      256,
      246,
      0
    ],
    "EchoTime": 0.00247,
    "EchoTrainLength": 1,
    "FlipAngle": 9,
    "InversionTime": 0.9,
    "MagneticFieldStrength": 3,
    "Manufacturer": "Siemens",
    "ManufacturersModelName": "Verio",
    "NumberOfAverages": 1,
    "PercentPhaseFOV": 100,
    "PhaseEncodingSteps": 246,
    "PixelBandwidth": 170,
    "ProtocolName": "t1_mpr_sag_p2_iso",
    "RepetitionTime": 1.9,
    "ScanOptions": "IR",
    "ScanningSequence": "GR\\IR",
    "SequenceVariant": "SP\\MP\\OSP",
    "SeriesDescription": "t1_mpr_ns_sag_p2_iso",
    "SliceThickness": 1,
    "SoftwareVersions": "syngo MR B17",
    "dataset": "ds003763",
    "modality": "T1w",
    "subject_id": "10332"
  },
  "cjv": 0.47992002540641504,
  "cnr": 2.86593519160161,
  "efc": 0.5408007970557549,
  "fber": 9811.534744228158,
  "fwhm_avg": 4.112144533333334,
  "fwhm_x": 4.15068,
  "fwhm_y": 4.16428032,
  "fwhm_z": 4.02147328,
  "icvs_csf": 0.25675739103095097,
  "icvs_gm": 0.36070063113071926,
  "icvs_wm": 0.38254197783832977,
  "inu_med": 0.5519188940525055,
  "inu_range": 0.18463566452264785,
  "provenance": {
    "md5sum": "17ab7cb6e56179dafa773279f61a4fbb",
    "settings": {
      "testing": false
    },
    "software": "mriqc",
    "version": "22.0.6",
    "warnings": {
      "large_rot_frame": true,
      "small_air_mask": false
    },
    "webapi_port": null,
    "webapi_url": "https://mriqc.nimh.nih.gov/api/v1"
  },
  "qi_1": 0.0,
  "qi_2": 0.00816630362035116,
  "rpve_csf": 23.70149435816211,
  "rpve_gm": 15.442117855776822,
  "rpve_wm": 17.665857547783766,
  "size_x": 176,
  "size_y": 256,
  "size_z": 256,
  "snr_csf": 3.3490583043835978,
  "snr_gm": 12.643906176980757,
  "snr_total": 11.584561625907805,
  "snr_wm": 18.760720396359062,
  "snrd_csf": 14.803614198019355,
  "snrd_gm": 35.11195606578457,
  "snrd_total": 31.93239410100719,
  "snrd_wm": 45.88161203921766,
  "spacing_x": 1.0,
  "spacing_y": 0.9765625,
  "spacing_z": 0.9765625,
  "summary_bg_k": 8.64737093940757,
  "summary_bg_mad": 0.0,
  "summary_bg_mean": 9.641823306191807,
  "summary_bg_median": 0.0,
  "summary_bg_n": 3392102.0,
  "summary_bg_p05": 0.0,
  "summary_bg_p95": 39.02620196342468,
  "summary_bg_stdv": 14.279507318798215,
  "summary_csf_k": 1.1724486356697534,
  "summary_csf_mad": 78.31809442321858,
  "summary_csf_mean": 333.37932588689813,
  "summary_csf_median": 322.6630626618862,
  "summary_csf_n": 62901.0,
  "summary_csf_p05": 193.50491806864738,
  "summary_csf_p95": 512.0330617129803,
  "summary_csf_stdv": 96.3436490134933,
  "summary_gm_k": 0.0822310967140285,
  "summary_gm_mad": 60.09897747076359,
  "summary_gm_mean": 763.7887875523274,
  "summary_gm_median": 765.3084664791822,
  "summary_gm_n": 10846.0,
  "summary_gm_p05": 660.8901463449001,
  "summary_gm_p95": 858.5532133132219,
  "summary_gm_stdv": 60.525060394801045,
  "summary_wm_k": 0.2169596277785355,
  "summary_wm_mad": 52.556469696495846,
  "summary_wm_mean": 1003.1018981291038,
  "summary_wm_median": 1000.0464253127575,
  "summary_wm_n": 196354.0,
  "summary_wm_p05": 920.6931479871273,
  "summary_wm_p95": 1095.2889420092106,
  "summary_wm_stdv": 53.30519605015371,
  "tpm_overlap_csf": 0.162076167344337,
  "tpm_overlap_gm": 0.4081198475620723,
  "tpm_overlap_wm": 0.5025823120714483,
  "wm2max": 0.3948744290143274
}