{
  "bids_meta": {
    "AcquisitionMatrix": [
      0,
      256,
      246,
      0
    ],
    "EchoTime": 0.00247,
    "EchoTrainLength": 1,
    "FlipAngle": 9,
    "InversionTime": 0.9,
    "MagneticFieldStrength": 3,
    "Manufacturer": "Siemens",
    "ManufacturersModelName": "Verio",
    "NumberOfAverages": 1,
    "PercentPhaseFOV": 100,
    "PhaseEncodingSteps": 246,
    "PixelBandwidth": 170,
    "ProtocolName": "t1_mpr_sag_p2_iso",
    "RepetitionTime": 1.9,
    "ScanOptions": "IR",
    "ScanningSequence": "GR\\IR",
    "SequenceVariant": "SP\\MP\\OSP",
    "SeriesDescription": "t1_mpr_ns_sag_p2_iso",
    "SliceThickness": 1,
    "SoftwareVersions": "syngo MR B17",
    "dataset": "ds003763",
    "modality": "T1w",
    "subject_id": "10162"
  },
  "cjv": 0.44347909935825985,
  "cnr": 3.1489505484827713,
  "efc": 0.5575258160262765,
  "fber": 14230.444930612244,
  "fwhm_avg": 4.449606566614386,
  "fwhm_x": 4.49889,
  "fwhm_y": 4.515901164371266,
  "fwhm_z": 4.334028535471891,
  "icvs_csf": 0.2490185791231635,
  "icvs_gm": 0.3829305317712419,
  "icvs_wm": 0.3680508891055946,
  "inu_med": 0.46574102342128754,
  "inu_range": 0.15966790914535522,
  "provenance": {
    "md5sum": "ba537bf6f65d5da2edac708f4528734f",
    "settings": {
      "testing": false
    },
    "software": "mriqc",
    "version": "22.0.6",
    "warnings": {
      "large_rot_frame": true,
      "small_air_mask": false
    },
    "webapi_port": null,
    "webapi_url": "https://mriqc.nimh.nih.gov/api/v1"
  },
  "qi_1": 0.0,
  "qi_2": 0.017345282900282432,
  "rpve_csf": 25.22948536884759,
  "rpve_gm": 15.392955148862,
  "rpve_wm": 18.786012467903838,
  "size_x": 176,
  "size_y": 256,
  "size_z": 256,
  "snr_csf": 3.2373456745688163,
  "snr_gm": 14.021363649494878,
  "snr_total": 13.095346637072453,
  "snr_wm": 22.02733058715366,
  "snrd_csf": 23.19551940752294,
  "snrd_gm": 61.06983250433965,
  "snrd_total": 54.40543754721327,
  "snrd_wm": 78.95096072977722,
  "spacing_x": 1.0,
  "spacing_y": 0.9765625596046448,
  "spacing_z": 0.9765625596046448,
  "summary_bg_k": 10.705240472274449,
  "summary_bg_mad": 0.0,
  "summary_bg_mean": 5.098613327288393,
  "summary_bg_median": 0.0,
  "summary_bg_n": 2080681.0,
  "summary_bg_p05": 0.0,
  "summary_bg_p95": 20.498174272477627,
  "summary_bg_stdv": 8.298316787404957,
  "summary_csf_k": 2.6782703388193694,
  "summary_csf_mad": 58.31572284486505,
  "summary_csf_mean": 303.0238119479826,
  "summary_csf_median": 293.8071645721793,
  "summary_csf_n": 63550.0,
  "summary_csf_p05": 161.21795989312233,
  "summary_csf_p95": 475.47087836265564,
  "summary_csf_stdv": 90.75485983749688,
  "summary_gm_k": -0.005706773273350674,
  "summary_gm_mad": 55.47497531657659,
  "summary_gm_mean": 771.6515892303065,
  "summary_gm_median": 773.5439769104123,
  "summary_gm_n": 13775.0,
  "summary_gm_p05": 677.9942862540483,
  "summary_gm_p95": 860.1026694335043,
  "summary_gm_stdv": 55.16695222489126,
  "summary_wm_k": 0.25965362064959185,
  "summary_wm_mad": 44.96956936290604,
  "summary_wm_mean": 1001.3386905583402,
  "summary_wm_median": 1000.0361494272947,
  "summary_wm_n": 179383.0,
  "summary_wm_p05": 929.5397828817368,
  "summary_wm_p95": 1077.5098486617208,
  "summary_wm_stdv": 45.39966193514778,
  "tpm_overlap_csf": 0.15780028814665895,
  "tpm_overlap_gm": 0.4570324562228241,
  "tpm_overlap_wm": 0.5249223827035173,
  "wm2max": 0.4868613267155957
}