{
  "bids_meta": {
    "AcquisitionMatrix": [
      0,
      256,
      246,
      0
    ],
    "EchoTime": 0.00247,
    "EchoTrainLength": 1,
    "FlipAngle": 9,
    "InversionTime": 0.9,
    "MagneticFieldStrength": 3,
    "Manufacturer": "Siemens",
    "ManufacturersModelName": "Verio",
    "NumberOfAverages": 1,
    "PercentPhaseFOV": 100,
    "PhaseEncodingSteps": 246,
    "PixelBandwidth": 170,
    "ProtocolName": "t1_mpr_sag_p2_iso",
    "RepetitionTime": 1.9,
    "ScanOptions": "IR",
    "ScanningSequence": "GR\\IR",
    "SequenceVariant": "SP\\MP\\OSP",
    "SeriesDescription": "t1_mpr_ns_sag_p2_iso",
    "SliceThickness": 1,
    "SoftwareVersions": "syngo MR B17",
    "dataset": "ds003763",
    "modality": "T1w",
    "subject_id": "10134"
  },
  "cjv": 0.4041386068913993,
  "cnr": 3.4079384837451605,
  "efc": 0.5537340889144213,
  "fber": 28473.132725229694,
  "fwhm_avg": 4.22419944,
  "fwhm_x": 4.31555,
  "fwhm_y": 4.20098048,
  "fwhm_z": 4.1560678399999995,
  "icvs_csf": 0.2362906759225026,
  "icvs_gm": 0.41266719273365376,
  "icvs_wm": 0.35104213134384366,
  "inu_med": 0.4516755938529968,
  "inu_range": 0.15261569619178772,
  "provenance": {
    "md5sum": "ebfbf6013c84c606d7e5860b8957c20d",
    "settings": {
      "testing": false
    },
    "software": "mriqc",
    "version": "22.0.6",
    "warnings": {
      "large_rot_frame": true,
      "small_air_mask": false
    },
    "webapi_port": null,
    "webapi_url": "https://mriqc.nimh.nih.gov/api/v1"
  },
  "qi_1": 0.0,
  "qi_2": 0.0047413417339086245,
  "rpve_csf": 24.516982092700385,
  "rpve_gm": 14.152554817981565,
  "rpve_wm": 19.279281385164904,
  "size_x": 176,
  "size_y": 256,
  "size_z": 256,
  "snr_csf": 2.6744079522015953,
  "snr_gm": 13.405416735465,
  "snr_total": 13.563511370151518,
  "snr_wm": 24.610709422787963,
  "snrd_csf": 29.53600221341006,
  "snrd_gm": 67.56270597079023,
  "snrd_total": 61.96762681192198,
  "snrd_wm": 88.80417225156566,
  "spacing_x": 1.0,
  "spacing_y": 0.9765625,
  "spacing_z": 0.9765625,
  "summary_bg_k": 7.840820806564533,
  "summary_bg_mad": 0.0,
  "summary_bg_mean": 4.503017837825767,
  "summary_bg_median": 0.0,
  "summary_bg_n": 2356400.0,
  "summary_bg_p05": 0.0,
  "summary_bg_p95": 19.99189966544509,
  "summary_bg_stdv": 7.377586975473881,
  "summary_csf_k": 0.6703014326282122,
  "summary_csf_mad": 107.47924219812255,
  "summary_csf_mean": 342.22946215325476,
  "summary_csf_median": 332.60924784094095,
  "summary_csf_n": 48424.0,
  "summary_csf_p05": 125.06902976706624,
  "summary_csf_p95": 560.4672004090621,
  "summary_csf_stdv": 124.3661473584976,
  "summary_gm_k": 0.03181498243712744,
  "summary_gm_mad": 56.55078462024122,
  "summary_gm_mean": 758.7577282433406,
  "summary_gm_median": 760.833529625088,
  "summary_gm_n": 25181.0,
  "summary_gm_p05": 662.7149060368538,
  "summary_gm_p95": 849.1586996018887,
  "summary_gm_stdv": 56.75455207360412,
  "summary_wm_k": 0.12012209158914677,
  "summary_wm_mad": 40.12048908868465,
  "summary_wm_mean": 1001.1898959314861,
  "summary_wm_median": 1000.0367932096124,
  "summary_wm_n": 192985.0,
  "summary_wm_p05": 936.489797219634,
  "summary_wm_p95": 1069.8059458173811,
  "summary_wm_stdv": 40.6341070895755,
  "tpm_overlap_csf": 0.1578539898145661,
  "tpm_overlap_gm": 0.46045832191397895,
  "tpm_overlap_wm": 0.5246922055274287,
  "wm2max": 0.4746692763399332
}