{
  "bids_meta": {
    "AcquisitionMatrix": [
      0,
      256,
      246,
      0
    ],
    "EchoTime": 0.00247,
    "EchoTrainLength": 1,
    "FlipAngle": 9,
    "InversionTime": 0.9,
    "MagneticFieldStrength": 3,
    "Manufacturer": "Siemens",
    "ManufacturersModelName": "Verio",
    "NumberOfAverages": 1,
    "PercentPhaseFOV": 100,
    "PhaseEncodingSteps": 246,
    "PixelBandwidth": 170,
    "ProtocolName": "t1_mpr_sag_p2_iso",
    "RepetitionTime": 1.9,
    "ScanOptions": "IR",
    "ScanningSequence": "GR\\IR",
    "SequenceVariant": "SP\\MP\\OSP",
    "SeriesDescription": "t1_mpr_ns_sag_p2_iso",
    "SliceThickness": 1,
    "SoftwareVersions": "syngo MR B17",
    "dataset": "ds003763",
    "modality": "T1w",
    "subject_id": "09380"
  },
  "cjv": 0.4044757616163639,
  "cnr": 3.4290665193048953,
  "efc": 0.5594084439025744,
  "fber": 11615.63644470868,
  "fwhm_avg": 4.332730933333333,
  "fwhm_x": 4.35338,
  "fwhm_y": 4.41296896,
  "fwhm_z": 4.23184384,
  "icvs_csf": 0.23011419933953597,
  "icvs_gm": 0.3963845752066958,
  "icvs_wm": 0.37350122545376824,
  "inu_med": 0.4542059302330017,
  "inu_range": 0.14330627769231796,
  "provenance": {
    "md5sum": "c021ec75d03a7fc72383573f88bafd93",
    "settings": {
      "testing": false
    },
    "software": "mriqc",
    "version": "22.0.6",
    "warnings": {
      "large_rot_frame": true,
      "small_air_mask": false
    },
    "webapi_port": null,
    "webapi_url": "https://mriqc.nimh.nih.gov/api/v1"
  },
  "qi_1": 0.00036423131959259855,
  "qi_2": 0.013437618556492802,
  "rpve_csf": 25.68435057822695,
  "rpve_gm": 14.57044364968508,
  "rpve_wm": 18.054214352007236,
  "size_x": 176,
  "size_y": 256,
  "size_z": 256,
  "snr_csf": 2.518801687770077,
  "snr_gm": 12.677010959089824,
  "snr_total": 12.917571241921067,
  "snr_wm": 23.5569010789033,
  "snrd_csf": 22.311308439707553,
  "snrd_gm": 57.033128793416346,
  "snrd_total": 51.83574753697183,
  "snrd_wm": 76.16280537779157,
  "spacing_x": 1.0,
  "spacing_y": 0.9765625,
  "spacing_z": 0.9765625,
  "summary_bg_k": 7.559734393890581,
  "summary_bg_mad": 0.0,
  "summary_bg_mean": 5.575891457908949,
  "summary_bg_median": 0.0,
  "summary_bg_n": 2028375.0,
  "summary_bg_p05": 0.0,
  "summary_bg_p95": 21.069169279187918,
  "summary_bg_stdv": 8.602135587124188,
  "summary_csf_k": 0.48334354713250294,
  "summary_csf_mad": 93.35322962019302,
  "summary_csf_mean": 304.896837417574,
  "summary_csf_median": 292.9541089832783,
  "summary_csf_n": 48471.0,
  "summary_csf_p05": 99.4037766661495,
  "summary_csf_p95": 513.858104666695,
  "summary_csf_stdv": 116.30573714386007,
  "summary_gm_k": -0.10847179762124304,
  "summary_gm_mad": 60.68258560084204,
  "summary_gm_mean": 749.4753874044088,
  "summary_gm_median": 748.8619268275797,
  "summary_gm_n": 18058.0,
  "summary_gm_p05": 653.587385058403,
  "summary_gm_p95": 845.8405333396046,
  "summary_gm_stdv": 59.070800999494246,
  "summary_wm_k": 0.47790182871312714,
  "summary_wm_mad": 40.912963717103146,
  "summary_wm_mean": 1001.2611491215155,
  "summary_wm_median": 1000.0402642190456,
  "summary_wm_n": 192846.0,
  "summary_wm_p05": 934.0530763044953,
  "summary_wm_p95": 1072.9162244983017,
  "summary_wm_stdv": 42.452004532314795,
  "tpm_overlap_csf": 0.1544972580848296,
  "tpm_overlap_gm": 0.4567751607926236,
  "tpm_overlap_wm": 0.5221249109658392,
  "wm2max": 0.47571048042465935
}