{
  "bids_meta": {
    "AcquisitionMatrix": [
      0,
      256,
      246,
      0
    ],
    "EchoTime": 0.00247,
    "EchoTrainLength": 1,
    "FlipAngle": 9,
    "InversionTime": 0.9,
    "MagneticFieldStrength": 3,
    "Manufacturer": "Siemens",
    "ManufacturersModelName": "Verio",
    "NumberOfAverages": 1,
    "PercentPhaseFOV": 100,
    "PhaseEncodingSteps": 246,
    "PixelBandwidth": 170,
    "ProtocolName": "t1_mpr_sag_p2_iso",
    "RepetitionTime": 1.9,
    "ScanOptions": "IR",
    "ScanningSequence": "GR\\IR",
    "SequenceVariant": "SP\\MP\\OSP",
    "SeriesDescription": "t1_mpr_ns_sag_p2_iso",
    "SliceThickness": 1,
    "SoftwareVersions": "syngo MR B17",
    "dataset": "ds003763",
    "modality": "T1w",
    "subject_id": "09113"
  },
  "cjv": 0.37222075764488466,
  "cnr": 3.6887710020382336,
  "efc": 0.514046179826495,
  "fber": 29967.725805662867,
  "fwhm_avg": 4.350194887412922,
  "fwhm_x": 4.29093,
  "fwhm_y": 4.46313472,
  "fwhm_z": 4.296519942238766,
  "icvs_csf": 0.22435685723446247,
  "icvs_gm": 0.4002993334755773,
  "icvs_wm": 0.37534380928996025,
  "inu_med": 0.4015190005302429,
  "inu_range": 0.1124359741806984,
  "provenance": {
    "md5sum": "467de709c117f90230f195febc270344",
    "settings": {
      "testing": false
    },
    "software": "mriqc",
    "version": "22.0.6",
    "warnings": {
      "large_rot_frame": true,
      "small_air_mask": false
    },
    "webapi_port": null,
    "webapi_url": "https://mriqc.nimh.nih.gov/api/v1"
  },
  "qi_1": 0.0,
  "qi_2": 0.005753495881141746,
  "rpve_csf": 26.14795737973416,
  "rpve_gm": 14.558802700774901,
  "rpve_wm": 18.350137943512813,
  "size_x": 176,
  "size_y": 256,
  "size_z": 256,
  "snr_csf": 2.9307490874331847,
  "snr_gm": 12.683335441494592,
  "snr_total": 13.612536388500844,
  "snr_wm": 25.22352463657476,
  "snrd_csf": 30.90441672608279,
  "snrd_gm": 77.83096264715734,
  "snrd_total": 71.35041125159269,
  "snrd_wm": 105.31585438153795,
  "spacing_x": 1.0,
  "spacing_y": 0.9765625,
  "spacing_z": 0.9765624403953552,
  "summary_bg_k": 9.471008959786518,
  "summary_bg_mad": 0.0,
  "summary_bg_mean": 3.8146148737032344,
  "summary_bg_median": 0.0,
  "summary_bg_n": 2561444.0,
  "summary_bg_p05": 0.0,
  "summary_bg_p95": 17.1661333180964,
  "summary_bg_stdv": 6.220862637567733,
  "summary_csf_k": 4.607019276710721,
  "summary_csf_mad": 83.25348536831393,
  "summary_csf_mean": 304.6339868358218,
  "summary_csf_median": 293.4535943157971,
  "summary_csf_n": 48147.0,
  "summary_csf_p05": 159.1009607175365,
  "summary_csf_p95": 485.08583242818696,
  "summary_csf_stdv": 100.12817135485415,
  "summary_gm_k": -0.07405684403243118,
  "summary_gm_mad": 58.96762409247935,
  "summary_gm_mean": 739.9988852430607,
  "summary_gm_median": 739.0456820558757,
  "summary_gm_n": 21413.0,
  "summary_gm_p05": 645.8481257092208,
  "summary_gm_p95": 836.6133286133407,
  "summary_gm_stdv": 58.26767164868241,
  "summary_wm_k": 0.6256487244494728,
  "summary_wm_mad": 38.175821010858975,
  "summary_wm_mean": 1001.0515454944178,
  "summary_wm_median": 1000.0290987733752,
  "summary_wm_n": 204730.0,
  "summary_wm_p05": 937.940067416057,
  "summary_wm_p95": 1066.977018713951,
  "summary_wm_stdv": 39.646586702964655,
  "tpm_overlap_csf": 0.17012045726519642,
  "tpm_overlap_gm": 0.4576239259859972,
  "tpm_overlap_wm": 0.533999076504045,
  "wm2max": 0.598912683615327
}