{
  "bids_meta": {
    "AcquisitionMatrix": [
      0,
      256,
      246,
      0
    ],
    "EchoTime": 0.00247,
    "EchoTrainLength": 1,
    "FlipAngle": 9,
    "InversionTime": 0.9,
    "MagneticFieldStrength": 3,
    "Manufacturer": "Siemens",
    "ManufacturersModelName": "Verio",
    "NumberOfAverages": 1,
    "PercentPhaseFOV": 100,
    "PhaseEncodingSteps": 246,
    "PixelBandwidth": 170,
    "ProtocolName": "t1_mpr_sag_p2_iso",
    "RepetitionTime": 1.9,
    "ScanOptions": "IR",
    "ScanningSequence": "GR\\IR",
    "SequenceVariant": "SP\\MP\\OSP",
    "SeriesDescription": "t1_mpr_ns_sag_p2_iso",
    "SliceThickness": 1,
    "SoftwareVersions": "syngo MR B17",
    "dataset": "ds003763",
    "modality": "T1w",
    "subject_id": "09114"
  },
  "cjv": 0.44604352945160014,
  "cnr": 3.0986942018025463,
  "efc": 0.5893463983910218,
  "fber": 8369.610784948225,
  "fwhm_avg": 4.2325201534110475,
  "fwhm_x": 4.18553,
  "fwhm_y": 4.256020220233141,
  "fwhm_z": 4.256010239999999,
  "icvs_csf": 0.19346813747580255,
  "icvs_gm": 0.39692221860534327,
  "icvs_wm": 0.4096096439188542,
  "inu_med": 0.44295594096183777,
  "inu_range": 0.13643835186958314,
  "provenance": {
    "md5sum": "94eb2997b5acdc9de1c4d9502d5342cf",
    "settings": {
      "testing": false
    },
    "software": "mriqc",
    "version": "22.0.6",
    "warnings": {
      "large_rot_frame": true,
      "small_air_mask": false
    },
    "webapi_port": null,
    "webapi_url": "https://mriqc.nimh.nih.gov/api/v1"
  },
  "qi_1": 0.0,
  "qi_2": 0.009642618601649347,
  "rpve_csf": 29.98582019929075,
  "rpve_gm": 14.670842943405848,
  "rpve_wm": 16.394634819557226,
  "size_x": 176,
  "size_y": 256,
  "size_z": 256,
  "snr_csf": 2.3688618454115313,
  "snr_gm": 12.828747339776204,
  "snr_total": 11.550846011408632,
  "snr_wm": 19.45492884903817,
  "snrd_csf": 14.858216241801847,
  "snrd_gm": 34.622356530812645,
  "snrd_total": 31.79872469030794,
  "snrd_wm": 45.91560129830932,
  "spacing_x": 1.0,
  "spacing_y": 0.9765625596046448,
  "spacing_z": 0.9765625,
  "summary_bg_k": 7.979230127583985,
  "summary_bg_mad": 0.0,
  "summary_bg_mean": 9.380361559423697,
  "summary_bg_median": 0.0,
  "summary_bg_n": 2326981.0,
  "summary_bg_p05": 0.0,
  "summary_bg_p95": 38.88539659976959,
  "summary_bg_stdv": 14.268872149713655,
  "summary_csf_k": 12.282501085340465,
  "summary_csf_mad": 110.02256443598824,
  "summary_csf_mean": 322.93892089112404,
  "summary_csf_median": 323.61198053881526,
  "summary_csf_n": 35497.0,
  "summary_csf_p05": 85.52273109927773,
  "summary_csf_p95": 533.1321961402892,
  "summary_csf_stdv": 136.60882032150138,
  "summary_gm_k": -0.09966210529979991,
  "summary_gm_mad": 59.82593424723697,
  "summary_gm_mean": 755.0276150421686,
  "summary_gm_median": 754.0749969929457,
  "summary_gm_n": 22305.0,
  "summary_gm_p05": 658.1185765042901,
  "summary_gm_p95": 852.4533742956817,
  "summary_gm_stdv": 58.77877809195075,
  "summary_wm_k": 0.3828663277280926,
  "summary_wm_mad": 49.88600747718721,
  "summary_wm_mean": 1002.358791254896,
  "summary_wm_median": 1000.0418914332986,
  "summary_wm_n": 216502.0,
  "summary_wm_p05": 922.5644148029387,
  "summary_wm_p95": 1090.171787787042,
  "summary_wm_stdv": 51.402890735107405,
  "tpm_overlap_csf": 0.14466694697246343,
  "tpm_overlap_gm": 0.44776257678188236,
  "tpm_overlap_wm": 0.5205177522354306,
  "wm2max": 0.44168623426812037
}