{
  "bids_meta": {
    "AcquisitionMatrix": [
      0,
      256,
      246,
      0
    ],
    "EchoTime": 0.00247,
    "EchoTrainLength": 1,
    "FlipAngle": 9,
    "InversionTime": 0.9,
    "MagneticFieldStrength": 3,
    "Manufacturer": "Siemens",
    "ManufacturersModelName": "Verio",
    "NumberOfAverages": 1,
    "PercentPhaseFOV": 100,
    "PhaseEncodingSteps": 246,
    "PixelBandwidth": 170,
    "ProtocolName": "t1_mpr_sag_p2_iso",
    "RepetitionTime": 1.9,
    "ScanOptions": "IR",
    "ScanningSequence": "GR\\IR",
    "SequenceVariant": "SP\\MP\\OSP",
    "SeriesDescription": "t1_mpr_ns_sag_p2_iso",
    "SliceThickness": 1,
    "SoftwareVersions": "syngo MR B17",
    "dataset": "ds003763",
    "modality": "T1w",
    "subject_id": "10653"
  },
  "cjv": 0.41280895533274864,
  "cnr": 3.2807417240912433,
  "efc": 0.5117556641748928,
  "fber": 15923.391018422592,
  "fwhm_avg": 4.224899487734171,
  "fwhm_x": 4.2515,
  "fwhm_y": 4.207369983202516,
  "fwhm_z": 4.21582848,
  "icvs_csf": 0.29938847706419475,
  "icvs_gm": 0.3579058081856831,
  "icvs_wm": 0.34270571475012207,
  "inu_med": 0.5115646719932556,
  "inu_range": 0.16456848680973046,
  "provenance": {
    "md5sum": "af81c2f518f1dcd6a93bdb2166de7317",
    "settings": {
      "testing": false
    },
    "software": "mriqc",
    "version": "22.0.6",
    "warnings": {
      "large_rot_frame": true,
      "small_air_mask": false
    },
    "webapi_port": null,
    "webapi_url": "https://mriqc.nimh.nih.gov/api/v1"
  },
  "qi_1": 0.0,
  "qi_2": 0.0036547376199417753,
  "rpve_csf": 20.249185647602367,
  "rpve_gm": 15.2120120761976,
  "rpve_wm": 19.3917655695997,
  "size_x": 176,
  "size_y": 256,
  "size_z": 256,
  "snr_csf": 3.1913468501472586,
  "snr_gm": 13.973624519060966,
  "snr_total": 13.391577367931793,
  "snr_wm": 23.009760734587157,
  "snrd_csf": 24.83252244833572,
  "snrd_gm": 62.386108481063715,
  "snrd_total": 56.13524103011233,
  "snrd_wm": 81.18709216093758,
  "spacing_x": 1.0,
  "spacing_y": 0.9765625596046448,
  "spacing_z": 0.9765625,
  "summary_bg_k": 149.89746784780027,
  "summary_bg_mad": 8.069464832812747,
  "summary_bg_mean": 5.804731210388098,
  "summary_bg_median": 5.442771319299936,
  "summary_bg_n": 3256772.0,
  "summary_bg_p05": 0.0,
  "summary_bg_p95": 22.80401998013258,
  "summary_bg_stdv": 8.368996676516774,
  "summary_csf_k": 1.441094903834819,
  "summary_csf_mad": 75.04013282484263,
  "summary_csf_mean": 310.7813964859212,
  "summary_csf_median": 305.8678568415344,
  "summary_csf_n": 79579.0,
  "summary_csf_p05": 156.43796075917783,
  "summary_csf_p95": 478.80893589295414,
  "summary_csf_stdv": 95.84227268617678,
  "summary_gm_k": 0.37861525534075424,
  "summary_gm_mad": 53.12888524961386,
  "summary_gm_mean": 766.0557065021773,
  "summary_gm_median": 768.4239624664187,
  "summary_gm_n": 8723.0,
  "summary_gm_p05": 672.0869101148098,
  "summary_gm_p95": 851.3765647634864,
  "summary_gm_stdv": 54.98787478526019,
  "summary_wm_k": 0.3214440600464932,
  "summary_wm_mad": 42.467767477795554,
  "summary_wm_mean": 1001.033886915511,
  "summary_wm_median": 999.9999772123992,
  "summary_wm_n": 175497.0,
  "summary_wm_p05": 931.5481890141964,
  "summary_wm_p95": 1074.0931780189276,
  "summary_wm_stdv": 43.459692592705125,
  "tpm_overlap_csf": 0.15549540077663765,
  "tpm_overlap_gm": 0.42396768362915055,
  "tpm_overlap_wm": 0.5019550613230229,
  "wm2max": 0.45612858799652073
}