{
  "bids_meta": {
    "AcquisitionMatrix": [
      0,
      256,
      246,
      0
    ],
    "EchoTime": 0.00247,
    "EchoTrainLength": 1,
    "FlipAngle": 9,
    "InversionTime": 0.9,
    "MagneticFieldStrength": 3,
    "Manufacturer": "Siemens",
    "ManufacturersModelName": "Verio",
    "NumberOfAverages": 1,
    "PercentPhaseFOV": 100,
    "PhaseEncodingSteps": 246,
    "PixelBandwidth": 170,
    "ProtocolName": "t1_mpr_sag_p2_iso",
    "RepetitionTime": 1.9,
    "ScanOptions": "IR",
    "ScanningSequence": "GR\\IR",
    "SequenceVariant": "SP\\MP\\OSP",
    "SeriesDescription": "t1_mpr_ns_sag_p2_iso",
    "SliceThickness": 1,
    "SoftwareVersions": "syngo MR B17",
    "dataset": "ds003763",
    "modality": "T1w",
    "subject_id": "09641"
  },
  "cjv": 0.4723069199761412,
  "cnr": 2.995721851829955,
  "efc": 0.539591181751661,
  "fber": 12853.199323319452,
  "fwhm_avg": 4.066045191053354,
  "fwhm_x": 4.06689,
  "fwhm_y": 4.1520327731600615,
  "fwhm_z": 3.9792128,
  "icvs_csf": 0.20368953546537313,
  "icvs_gm": 0.39250755115432506,
  "icvs_wm": 0.40380291338030183,
  "inu_med": 0.5116419494152069,
  "inu_range": 0.1969235002994537,
  "provenance": {
    "md5sum": "c7ebd330d74f2390b78fcaee23a2c826",
    "settings": {
      "testing": false
    },
    "software": "mriqc",
    "version": "22.0.6",
    "warnings": {
      "large_rot_frame": true,
      "small_air_mask": false
    },
    "webapi_port": null,
    "webapi_url": "https://mriqc.nimh.nih.gov/api/v1"
  },
  "qi_1": 0.0,
  "qi_2": 0.009574629855566634,
  "rpve_csf": 25.90001378559112,
  "rpve_gm": 13.443584004086599,
  "rpve_wm": 15.346271567449246,
  "size_x": 176,
  "size_y": 256,
  "size_z": 256,
  "snr_csf": 2.5938706642214324,
  "snr_gm": 13.23815554937862,
  "snr_total": 11.270135150296612,
  "snr_wm": 17.97837923728979,
  "snrd_csf": 22.917381082046262,
  "snrd_gm": 55.56484775569226,
  "snrd_total": 50.557779623529264,
  "snrd_wm": 73.19111003284928,
  "spacing_x": 1.0,
  "spacing_y": 0.9765626192092896,
  "spacing_z": 0.9765625,
  "summary_bg_k": 12.549202689531057,
  "summary_bg_mad": 0.0,
  "summary_bg_mean": 5.469444209064572,
  "summary_bg_median": 0.0,
  "summary_bg_n": 2982565.0,
  "summary_bg_p05": 0.0,
  "summary_bg_p95": 21.427306309342384,
  "summary_bg_stdv": 8.951434082086303,
  "summary_csf_k": 13.518802871759338,
  "summary_csf_mad": 97.92998436214569,
  "summary_csf_mean": 321.7687427144961,
  "summary_csf_median": 313.13086265698075,
  "summary_csf_n": 37968.0,
  "summary_csf_p05": 139.0716294934973,
  "summary_csf_p95": 526.6358187990264,
  "summary_csf_stdv": 120.71794609249247,
  "summary_gm_k": -0.009260644437329102,
  "summary_gm_mad": 58.21976952360806,
  "summary_gm_mean": 758.5335737395338,
  "summary_gm_median": 759.2084212787449,
  "summary_gm_n": 17880.0,
  "summary_gm_p05": 662.8276006160304,
  "summary_gm_p95": 850.7614573277533,
  "summary_gm_stdv": 57.34841137721578,
  "summary_wm_k": 0.19691845172042255,
  "summary_wm_mad": 55.528664055211294,
  "summary_wm_mean": 1003.6344093750758,
  "summary_wm_median": 1000.0442607887089,
  "summary_wm_n": 219767.0,
  "summary_wm_p05": 918.8064362481236,
  "summary_wm_p95": 1100.4515556432307,
  "summary_wm_stdv": 55.62470189049848,
  "tpm_overlap_csf": 0.16051564587568903,
  "tpm_overlap_gm": 0.4411789444074305,
  "tpm_overlap_wm": 0.5259852507361872,
  "wm2max": 0.4178595606924994
}