{
  "bids_meta": {
    "AcquisitionMatrix": [
      0,
      256,
      246,
      0
    ],
    "EchoTime": 0.00247,
    "EchoTrainLength": 1,
    "FlipAngle": 9,
    "InversionTime": 0.9,
    "MagneticFieldStrength": 3,
    "Manufacturer": "Siemens",
    "ManufacturersModelName": "Verio",
    "NumberOfAverages": 1,
    "PercentPhaseFOV": 100,
    "PhaseEncodingSteps": 246,
    "PixelBandwidth": 170,
    "ProtocolName": "t1_mpr_sag_p2_iso",
    "RepetitionTime": 1.9,
    "ScanOptions": "IR",
    "ScanningSequence": "GR\\IR",
    "SequenceVariant": "SP\\MP\\OSP",
    "SeriesDescription": "t1_mpr_ns_sag_p2_iso",
    "SliceThickness": 1,
    "SoftwareVersions": "syngo MR B17",
    "dataset": "ds003763",
    "modality": "T1w",
    "subject_id": "09648"
  },
  "cjv": 0.38639714681641096,
  "cnr": 3.6212043942035765,
  "efc": 0.5641005435845521,
  "fber": 19056.547520661155,
  "fwhm_avg": 4.323002809028756,
  "fwhm_x": 4.2557,
  "fwhm_y": 4.375941387086267,
  "fwhm_z": 4.33736704,
  "icvs_csf": 0.19433919232312255,
  "icvs_gm": 0.43653465345691134,
  "icvs_wm": 0.36912615421996614,
  "inu_med": 0.45970460772514343,
  "inu_range": 0.16964936256408691,
  "provenance": {
    "md5sum": "8ac284755da95b046e3f5777b7e2441a",
    "settings": {
      "testing": false
    },
    "software": "mriqc",
    "version": "22.0.6",
    "warnings": {
      "large_rot_frame": true,
      "small_air_mask": false
    },
    "webapi_port": null,
    "webapi_url": "https://mriqc.nimh.nih.gov/api/v1"
  },
  "qi_1": 0.0,
  "qi_2": 0.009806399031418406,
  "rpve_csf": 28.237785794314277,
  "rpve_gm": 13.136102818012763,
  "rpve_wm": 17.40315506981211,
  "size_x": 176,
  "size_y": 256,
  "size_z": 256,
  "snr_csf": 2.2861605292935283,
  "snr_gm": 13.795357453576177,
  "snr_total": 13.123528670997269,
  "snr_wm": 23.289068030122102,
  "snrd_csf": 25.421381289567066,
  "snrd_gm": 61.7692280818893,
  "snrd_total": 56.592877415629715,
  "snrd_wm": 82.58802287543278,
  "spacing_x": 1.0,
  "spacing_y": 0.9765624403953552,
  "spacing_z": 0.9765625,
  "summary_bg_k": 8.8215663739938,
  "summary_bg_mad": 0.0,
  "summary_bg_mean": 4.641551374093118,
  "summary_bg_median": 0.0,
  "summary_bg_n": 2209911.0,
  "summary_bg_p05": 0.0,
  "summary_bg_p95": 19.77180004119873,
  "summary_bg_stdv": 7.932910231803213,
  "summary_csf_k": 0.07366142697643152,
  "summary_csf_mad": 105.28509162270832,
  "summary_csf_mean": 301.9443785966965,
  "summary_csf_median": 307.82221189141273,
  "summary_csf_n": 35904.0,
  "summary_csf_p05": 51.08332879394293,
  "summary_csf_p95": 527.2480010986328,
  "summary_csf_stdv": 134.64405547097834,
  "summary_gm_k": -0.009509800039792182,
  "summary_gm_mad": 54.96321488424448,
  "summary_gm_mean": 748.2352137342874,
  "summary_gm_median": 747.9507190585136,
  "summary_gm_n": 36047.0,
  "summary_gm_p05": 660.1021400004626,
  "summary_gm_p95": 836.9238192439079,
  "summary_gm_stdv": 54.21681510202077,
  "summary_wm_k": 0.134141324007361,
  "summary_wm_mad": 42.443815938388795,
  "summary_wm_mean": 1001.3224071058726,
  "summary_wm_median": 1000.0411695837975,
  "summary_wm_n": 196981.0,
  "summary_wm_p05": 932.7346669435501,
  "summary_wm_p95": 1073.8970809876919,
  "summary_wm_stdv": 42.94025977624976,
  "tpm_overlap_csf": 0.14815365157030877,
  "tpm_overlap_gm": 0.47082050846108997,
  "tpm_overlap_wm": 0.5213125899400228,
  "wm2max": 0.47502396838130273
}