{
  "bids_meta": {
    "AcquisitionMatrix": [
      0,
      256,
      246,
      0
    ],
    "EchoTime": 0.00247,
    "EchoTrainLength": 1,
    "FlipAngle": 9,
    "InversionTime": 0.9,
    "MagneticFieldStrength": 3,
    "Manufacturer": "Siemens",
    "ManufacturersModelName": "Verio",
    "NumberOfAverages": 1,
    "PercentPhaseFOV": 100,
    "PhaseEncodingSteps": 246,
    "PixelBandwidth": 170,
    "ProtocolName": "t1_mpr_sag_p2_iso",
    "RepetitionTime": 1.9,
    "ScanOptions": "IR",
    "ScanningSequence": "GR\\IR",
    "SequenceVariant": "SP\\MP\\OSP",
    "SeriesDescription": "t1_mpr_ns_sag_p2_iso",
    "SliceThickness": 1,
    "SoftwareVersions": "syngo MR B17",
    "dataset": "ds003763",
    "modality": "T1w",
    "subject_id": "10133"
  },
  "cjv": 0.3944376360608282,
  "cnr": 3.535668351600147,
  "efc": 0.5206143800695582,
  "fber": -1.0,
  "fwhm_avg": 4.2185059325931356,
  "fwhm_x": 4.17222,
  "fwhm_y": 4.253501699613141,
  "fwhm_z": 4.229796098166266,
  "icvs_csf": 0.22144832395998446,
  "icvs_gm": 0.4144383114976517,
  "icvs_wm": 0.3641133645423638,
  "inu_med": 0.4832175076007843,
  "inu_range": 0.17375078797340393,
  "provenance": {
    "md5sum": "9508f2cd2ba7485876406df9cb3443e6",
    "settings": {
      "testing": false
    },
    "software": "mriqc",
    "version": "22.0.6",
    "warnings": {
      "large_rot_frame": true,
      "small_air_mask": false
    },
    "webapi_port": null,
    "webapi_url": "https://mriqc.nimh.nih.gov/api/v1"
  },
  "qi_1": 0.0,
  "qi_2": 0.008103849740716405,
  "rpve_csf": 26.13144347524748,
  "rpve_gm": 14.17593801537169,
  "rpve_wm": 18.75223664232048,
  "size_x": 176,
  "size_y": 256,
  "size_z": 256,
  "snr_csf": 2.4096841603694332,
  "snr_gm": 13.335299213498374,
  "snr_total": 13.383535959606087,
  "snr_wm": 24.405624504950453,
  "snrd_csf": 25.33179133611486,
  "snrd_gm": 62.2214302460802,
  "snrd_total": 56.76597752229609,
  "snrd_wm": 82.74471098469321,
  "spacing_x": 1.0,
  "spacing_y": 0.9765624403953552,
  "spacing_z": 0.9765624403953552,
  "summary_bg_k": 7.7197741507154625,
  "summary_bg_mad": 0.0,
  "summary_bg_mean": 4.962831165132197,
  "summary_bg_median": 0.0,
  "summary_bg_n": 3058364.0,
  "summary_bg_p05": 0.0,
  "summary_bg_p95": 19.918304789811373,
  "summary_bg_stdv": 7.917561978596748,
  "summary_csf_k": 0.3662821964295815,
  "summary_csf_mad": 103.51431314770903,
  "summary_csf_mean": 308.73973076606956,
  "summary_csf_median": 306.1439235135913,
  "summary_csf_n": 30490.0,
  "summary_csf_p05": 70.70366541668773,
  "summary_csf_p95": 525.2347485562785,
  "summary_csf_stdv": 127.04524024701008,
  "summary_gm_k": -0.07498069987973954,
  "summary_gm_mad": 57.563447962718776,
  "summary_gm_mean": 750.5522718340403,
  "summary_gm_median": 751.968644041568,
  "summary_gm_n": 24630.0,
  "summary_gm_p05": 656.017579815723,
  "summary_gm_p95": 840.0871402105316,
  "summary_gm_stdv": 56.38818946230763,
  "summary_wm_k": 0.1542253952385204,
  "summary_wm_mad": 40.269440277606954,
  "summary_wm_mean": 1000.9193141547378,
  "summary_wm_median": 999.9999658428133,
  "summary_wm_n": 189705.0,
  "summary_wm_p05": 935.3265356183052,
  "summary_wm_p95": 1069.6508667357266,
  "summary_wm_stdv": 40.974052106940185,
  "tpm_overlap_csf": 0.1693707175849087,
  "tpm_overlap_gm": 0.4752707472801362,
  "tpm_overlap_wm": 0.5422821981267087,
  "wm2max": 0.4459781771743009
}