{
  "bids_meta": {
    "AcquisitionMatrix": [
      0,
      256,
      246,
      0
    ],
    "EchoTime": 0.00247,
    "EchoTrainLength": 1,
    "FlipAngle": 9,
    "InversionTime": 0.9,
    "MagneticFieldStrength": 3,
    "Manufacturer": "Siemens",
    "ManufacturersModelName": "Verio",
    "NumberOfAverages": 1,
    "PercentPhaseFOV": 100,
    "PhaseEncodingSteps": 246,
    "PixelBandwidth": 170,
    "ProtocolName": "t1_mpr_sag_p2_iso",
    "RepetitionTime": 1.9,
    "ScanOptions": "IR",
    "ScanningSequence": "GR\\IR",
    "SequenceVariant": "SP\\MP\\OSP",
    "SeriesDescription": "t1_mpr_ns_sag_p2_iso",
    "SliceThickness": 1,
    "SoftwareVersions": "syngo MR B17",
    "dataset": "ds003763",
    "modality": "T1w",
    "subject_id": "09381"
  },
  "cjv": 0.4341621051881056,
  "cnr": 3.2267628987348353,
  "efc": 0.5612761639427886,
  "fber": 14461.687545653762,
  "fwhm_avg": 4.184040213333334,
  "fwhm_x": 4.23252,
  "fwhm_y": 4.11524096,
  "fwhm_z": 4.20435968,
  "icvs_csf": 0.2266060264953443,
  "icvs_gm": 0.39745975777036735,
  "icvs_wm": 0.37593421573428837,
  "inu_med": 0.4801895171403885,
  "inu_range": 0.17743856310844425,
  "provenance": {
    "md5sum": "56ba6520c72835021015f3a31e52b902",
    "settings": {
      "testing": false
    },
    "software": "mriqc",
    "version": "22.0.6",
    "warnings": {
      "large_rot_frame": true,
      "small_air_mask": false
    },
    "webapi_port": null,
    "webapi_url": "https://mriqc.nimh.nih.gov/api/v1"
  },
  "qi_1": 0.0,
  "qi_2": 0.017831717724649126,
  "rpve_csf": 26.297916886428574,
  "rpve_gm": 14.686945512072542,
  "rpve_wm": 18.024473555029704,
  "size_x": 176,
  "size_y": 256,
  "size_z": 256,
  "snr_csf": 3.297504216457136,
  "snr_gm": 14.320203383108593,
  "snr_total": 13.171940604570628,
  "snr_wm": 21.898114214146155,
  "snrd_csf": 25.423604070203552,
  "snrd_gm": 64.34164321403101,
  "snrd_total": 57.74542781641626,
  "snrd_wm": 83.47103616501424,
  "spacing_x": 1.0,
  "spacing_y": 0.9765625,
  "spacing_z": 0.9765625,
  "summary_bg_k": 8.835104615327941,
  "summary_bg_mad": 0.0,
  "summary_bg_mean": 4.470661883615637,
  "summary_bg_median": 0.0,
  "summary_bg_n": 1970630.0,
  "summary_bg_p05": 0.0,
  "summary_bg_p95": 20.827816754579544,
  "summary_bg_stdv": 7.849359789532607,
  "summary_csf_k": 1.863314495706975,
  "summary_csf_mad": 78.31059892029752,
  "summary_csf_mean": 317.00153114287986,
  "summary_csf_median": 304.60682003572583,
  "summary_csf_n": 46755.0,
  "summary_csf_p05": 195.9226830303669,
  "summary_csf_p95": 490.29210161045194,
  "summary_csf_stdv": 92.37397211489161,
  "summary_gm_k": -0.018022964728031887,
  "summary_gm_mad": 54.43142715262117,
  "summary_gm_mean": 771.101131136504,
  "summary_gm_median": 770.8939803019166,
  "summary_gm_n": 17503.0,
  "summary_gm_p05": 682.6890588808805,
  "summary_gm_p95": 858.1325263269246,
  "summary_gm_stdv": 53.831076109541385,
  "summary_wm_k": 0.1648198023107974,
  "summary_wm_mad": 45.076025610764404,
  "summary_wm_mean": 1001.5884365753731,
  "summary_wm_median": 1000.0882180631161,
  "summary_wm_n": 189069.0,
  "summary_wm_p05": 929.3971959426999,
  "summary_wm_p95": 1079.207445692271,
  "summary_wm_stdv": 45.66994050305434,
  "tpm_overlap_csf": 0.16150159918785398,
  "tpm_overlap_gm": 0.433098540875065,
  "tpm_overlap_wm": 0.4792805455993013,
  "wm2max": 0.4388775103499615
}