{
  "bids_meta": {
    "AcquisitionMatrix": [
      0,
      256,
      246,
      0
    ],
    "EchoTime": 0.00247,
    "EchoTrainLength": 1,
    "FlipAngle": 9,
    "InversionTime": 0.9,
    "MagneticFieldStrength": 3,
    "Manufacturer": "Siemens",
    "ManufacturersModelName": "Verio",
    "NumberOfAverages": 1,
    "PercentPhaseFOV": 100,
    "PhaseEncodingSteps": 246,
    "PixelBandwidth": 170,
    "ProtocolName": "t1_mpr_sag_p2_iso",
    "RepetitionTime": 1.9,
    "ScanOptions": "IR",
    "ScanningSequence": "GR\\IR",
    "SequenceVariant": "SP\\MP\\OSP",
    "SeriesDescription": "t1_mpr_ns_sag_p2_iso",
    "SliceThickness": 1,
    "SoftwareVersions": "syngo MR B17",
    "dataset": "ds003763",
    "modality": "T1w",
    "subject_id": "09159"
  },
  "cjv": 0.41096316382617265,
  "cnr": 3.386048856575109,
  "efc": 0.5431256867311929,
  "fber": 16152.250202913408,
  "fwhm_avg": 4.299491083256256,
  "fwhm_x": 4.17427,
  "fwhm_y": 4.427468529768766,
  "fwhm_z": 4.296734720000001,
  "icvs_csf": 0.19891109169215554,
  "icvs_gm": 0.3904256971385448,
  "icvs_wm": 0.4106632111692997,
  "inu_med": 0.4467235803604126,
  "inu_range": 0.1423633858561516,
  "provenance": {
    "md5sum": "33c025f284ee2bb6a7b744a789d14dba",
    "settings": {
      "testing": false
    },
    "software": "mriqc",
    "version": "22.0.6",
    "warnings": {
      "large_rot_frame": true,
      "small_air_mask": false
    },
    "webapi_port": null,
    "webapi_url": "https://mriqc.nimh.nih.gov/api/v1"
  },
  "qi_1": 9.484461169521612e-06,
  "qi_2": 0.0030945193230821214,
  "rpve_csf": 25.901399951180263,
  "rpve_gm": 13.028767504787707,
  "rpve_wm": 14.817603066582922,
  "size_x": 176,
  "size_y": 256,
  "size_z": 256,
  "snr_csf": 2.296175466215257,
  "snr_gm": 11.700494967532538,
  "snr_total": 11.947100948316722,
  "snr_wm": 21.844632411202372,
  "snrd_csf": 17.78807181956649,
  "snrd_gm": 43.21221979133899,
  "snrd_total": 39.94975230124069,
  "snrd_wm": 58.848965292816594,
  "spacing_x": 1.0,
  "spacing_y": 0.9765625596046448,
  "spacing_z": 0.9765625,
  "summary_bg_k": 64.48888159373634,
  "summary_bg_mad": 0.0,
  "summary_bg_mean": 5.639310938393404,
  "summary_bg_median": 0.0,
  "summary_bg_n": 2525956.0,
  "summary_bg_p05": 0.0,
  "summary_bg_p95": 24.705610893666744,
  "summary_bg_stdv": 11.132933478914849,
  "summary_csf_k": -0.19456465186052307,
  "summary_csf_mad": 117.98743208779757,
  "summary_csf_mean": 296.4716449295916,
  "summary_csf_median": 302.2781519778073,
  "summary_csf_n": 37303.0,
  "summary_csf_p05": 60.68652395531535,
  "summary_csf_p95": 507.42323159314697,
  "summary_csf_stdv": 131.6424222530368,
  "summary_gm_k": -0.07925666505303175,
  "summary_gm_mad": 64.24267337082209,
  "summary_gm_mean": 735.653080208613,
  "summary_gm_median": 734.3184845373034,
  "summary_gm_n": 25160.0,
  "summary_gm_p05": 633.8374555584044,
  "summary_gm_p95": 839.2980897054076,
  "summary_gm_stdv": 62.75836137319409,
  "summary_wm_k": 0.2579805461525546,
  "summary_wm_mad": 44.9584605827778,
  "summary_wm_mean": 1001.94029306423,
  "summary_wm_median": 1000.0384895540774,
  "summary_wm_n": 249723.0,
  "summary_wm_p05": 930.1547054685652,
  "summary_wm_p95": 1079.966143488884,
  "summary_wm_stdv": 45.77950630763241,
  "tpm_overlap_csf": 0.15876110680867841,
  "tpm_overlap_gm": 0.4496091144665352,
  "tpm_overlap_wm": 0.5214160706362871,
  "wm2max": 0.4842358290165095
}