{
  "bids_meta": {
    "AcquisitionMatrix": [
      0,
      256,
      246,
      0
    ],
    "EchoTime": 0.00247,
    "EchoTrainLength": 1,
    "FlipAngle": 9,
    "InversionTime": 0.9,
    "MagneticFieldStrength": 3,
    "Manufacturer": "Siemens",
    "ManufacturersModelName": "Verio",
    "NumberOfAverages": 1,
    "PercentPhaseFOV": 100,
    "PhaseEncodingSteps": 246,
    "PixelBandwidth": 170,
    "ProtocolName": "t1_mpr_sag_p2_iso",
    "RepetitionTime": 1.9,
    "ScanOptions": "IR",
    "ScanningSequence": "GR\\IR",
    "SequenceVariant": "SP\\MP\\OSP",
    "SeriesDescription": "t1_mpr_ns_sag_p2_iso",
    "SliceThickness": 1,
    "SoftwareVersions": "syngo MR B17",
    "dataset": "ds003763",
    "modality": "T1w",
    "subject_id": "09608"
  },
  "cjv": 0.407610011640429,
  "cnr": 3.4337040969495933,
  "efc": 0.5408239560826567,
  "fber": 31223.192052012564,
  "fwhm_avg": 4.3004920177352135,
  "fwhm_x": 4.32734,
  "fwhm_y": 4.371158773205641,
  "fwhm_z": 4.20297728,
  "icvs_csf": 0.20172526047142794,
  "icvs_gm": 0.4099383908676718,
  "icvs_wm": 0.3883363486609003,
  "inu_med": 0.42304128408432007,
  "inu_range": 0.15567414164543147,
  "provenance": {
    "md5sum": "2dc14711b4530bdd92f15e6e356ac558",
    "settings": {
      "testing": false
    },
    "software": "mriqc",
    "version": "22.0.6",
    "warnings": {
      "large_rot_frame": true,
      "small_air_mask": false
    },
    "webapi_port": null,
    "webapi_url": "https://mriqc.nimh.nih.gov/api/v1"
  },
  "qi_1": 0.0,
  "qi_2": 0.0055131810089591015,
  "rpve_csf": 22.838697324121206,
  "rpve_gm": 11.65050377640019,
  "rpve_wm": 14.351020858597195,
  "size_x": 176,
  "size_y": 256,
  "size_z": 256,
  "snr_csf": 2.4343795404197612,
  "snr_gm": 14.081449006749185,
  "snr_total": 13.7276375874762,
  "snr_wm": 24.667084215259653,
  "snrd_csf": 29.695130143423068,
  "snrd_gm": 77.38470091937154,
  "snrd_total": 69.3684626199856,
  "snrd_wm": 101.02555679716221,
  "spacing_x": 1.0,
  "spacing_y": 0.9765625596046448,
  "spacing_z": 0.9765625,
  "summary_bg_k": 8.48344695780575,
  "summary_bg_mad": 0.0,
  "summary_bg_mean": 4.0105041871490155,
  "summary_bg_median": 0.0,
  "summary_bg_n": 3110592.0,
  "summary_bg_p05": 0.0,
  "summary_bg_p95": 16.778398923575878,
  "summary_bg_stdv": 6.484857990173309,
  "summary_csf_k": 0.8022131937033041,
  "summary_csf_mad": 96.26288552266224,
  "summary_csf_mean": 307.24443549307796,
  "summary_csf_median": 293.9368076324463,
  "summary_csf_n": 43663.0,
  "summary_csf_p05": 110.56335237696767,
  "summary_csf_p95": 534.349411546439,
  "summary_csf_stdv": 120.74265198236701,
  "summary_gm_k": -0.11075618691114508,
  "summary_gm_mad": 55.517271684775544,
  "summary_gm_mean": 765.7051130718424,
  "summary_gm_median": 765.9913203939795,
  "summary_gm_n": 32726.0,
  "summary_gm_p05": 674.9879513978958,
  "summary_gm_p95": 854.1427319571376,
  "summary_gm_stdv": 54.396363388252986,
  "summary_wm_k": 0.22452584143836551,
  "summary_wm_mad": 39.86700221874089,
  "summary_wm_mean": 1001.0212201930531,
  "summary_wm_median": 999.9999835267663,
  "summary_wm_n": 259399.0,
  "summary_wm_p05": 936.3309597969055,
  "summary_wm_p95": 1069.0395764485002,
  "summary_wm_stdv": 40.53977548646909,
  "tpm_overlap_csf": 0.15983271525678522,
  "tpm_overlap_gm": 0.4524232003874447,
  "tpm_overlap_wm": 0.5173437587134793,
  "wm2max": 0.49298835043640216
}