{
  "bids_meta": {
    "AcquisitionMatrix": [
      0,
      256,
      246,
      0
    ],
    "EchoTime": 0.00247,
    "EchoTrainLength": 1,
    "FlipAngle": 9,
    "InversionTime": 0.9,
    "MagneticFieldStrength": 3,
    "Manufacturer": "Siemens",
    "ManufacturersModelName": "Verio",
    "NumberOfAverages": 1,
    "PercentPhaseFOV": 100,
    "PhaseEncodingSteps": 246,
    "PixelBandwidth": 170,
    "ProtocolName": "t1_mpr_sag_p2_iso",
    "RepetitionTime": 1.9,
    "ScanOptions": "IR",
    "ScanningSequence": "GR\\IR",
    "SequenceVariant": "SP\\MP\\OSP",
    "SeriesDescription": "t1_mpr_ns_sag_p2_iso",
    "SliceThickness": 1,
    "SoftwareVersions": "syngo MR B17",
    "dataset": "ds003763",
    "modality": "T1w",
    "subject_id": "10570"
  },
  "cjv": 0.3506672624640877,
  "cnr": 3.839388229625299,
  "efc": 0.5979617748359513,
  "fber": 20463.956982357213,
  "fwhm_avg": 7.094460773333334,
  "fwhm_x": 4.70259,
  "fwhm_y": 8.58298368,
  "fwhm_z": 7.997808640000001,
  "icvs_csf": 0.21269911463115454,
  "icvs_gm": 0.3969647352340075,
  "icvs_wm": 0.39033615013483797,
  "inu_med": 0.4267325699329376,
  "inu_range": 0.12931299209594727,
  "provenance": {
    "md5sum": "a4fb7060b58e48515fb3a1fc94e4e76d",
    "settings": {
      "testing": false
    },
    "software": "mriqc",
    "version": "22.0.6",
    "warnings": {
      "large_rot_frame": true,
      "small_air_mask": false
    },
    "webapi_port": null,
    "webapi_url": "https://mriqc.nimh.nih.gov/api/v1"
  },
  "qi_1": 0.0,
  "qi_2": 0.002189522380213296,
  "rpve_csf": 27.841202091861263,
  "rpve_gm": 15.294516559989503,
  "rpve_wm": 18.181514200612526,
  "size_x": 176,
  "size_y": 512,
  "size_z": 512,
  "snr_csf": 2.7488161261494497,
  "snr_gm": 17.743040799863238,
  "snr_total": 15.334743807398281,
  "snr_wm": 25.512374496182154,
  "snrd_csf": 10.734792249300705,
  "snrd_gm": 27.598970672602608,
  "snrd_total": 24.79470999548712,
  "snrd_wm": 36.05036706455805,
  "spacing_x": 1.0,
  "spacing_y": 0.48828125,
  "spacing_z": 0.48828125,
  "summary_bg_k": 811.5472243041957,
  "summary_bg_mad": 0.0,
  "summary_bg_mean": 5.7417724791657,
  "summary_bg_median": 0.0,
  "summary_bg_n": 1926637.0,
  "summary_bg_p05": 0.0,
  "summary_bg_p95": 17.99485820531845,
  "summary_bg_stdv": 18.172807617386045,
  "summary_csf_k": 30.168473853333694,
  "summary_csf_mad": 73.63252068529033,
  "summary_csf_mean": 299.6578574591012,
  "summary_csf_median": 297.7720583975315,
  "summary_csf_n": 279979.0,
  "summary_csf_p05": 122.2864868119359,
  "summary_csf_p95": 463.3318947032094,
  "summary_csf_stdv": 108.32718994503071,
  "summary_gm_k": 0.07016273485328695,
  "summary_gm_mad": 42.98318245611485,
  "summary_gm_mean": 765.243124305885,
  "summary_gm_median": 765.5669635683298,
  "summary_gm_n": 238735.0,
  "summary_gm_p05": 694.087387919426,
  "summary_gm_p95": 835.4398554489017,
  "summary_gm_stdv": 43.147359509550164,
  "summary_wm_k": 0.06438185038791833,
  "summary_wm_mad": 39.22480073889298,
  "summary_wm_mean": 1001.1793431560621,
  "summary_wm_median": 999.9999774098396,
  "summary_wm_n": 1053397.0,
  "summary_wm_p05": 938.9459942132235,
  "summary_wm_p95": 1067.3735834285617,
  "summary_wm_stdv": 39.19664564756721,
  "tpm_overlap_csf": 0.15292780133292436,
  "tpm_overlap_gm": 0.4056697853356045,
  "tpm_overlap_wm": 0.48373952960646777,
  "wm2max": 0.5057695433122055
}