{
  "bids_meta": {
    "AcquisitionMatrix": [
      0,
      256,
      246,
      0
    ],
    "EchoTime": 0.00247,
    "EchoTrainLength": 1,
    "FlipAngle": 9,
    "InversionTime": 0.9,
    "MagneticFieldStrength": 3,
    "Manufacturer": "Siemens",
    "ManufacturersModelName": "Verio",
    "NumberOfAverages": 1,
    "PercentPhaseFOV": 100,
    "PhaseEncodingSteps": 246,
    "PixelBandwidth": 170,
    "ProtocolName": "t1_mpr_sag_p2_iso",
    "RepetitionTime": 1.9,
    "ScanOptions": "IR",
    "ScanningSequence": "GR\\IR",
    "SequenceVariant": "SP\\MP\\OSP",
    "SeriesDescription": "t1_mpr_ns_sag_p2_iso",
    "SliceThickness": 1,
    "SoftwareVersions": "syngo MR B17",
    "dataset": "ds003763",
    "modality": "T1w",
    "subject_id": "09160"
  },
  "cjv": 0.4770509162687198,
  "cnr": 2.9052960897168574,
  "efc": 0.5411644905069163,
  "fber": 11409.677500330296,
  "fwhm_avg": 3.6933910933333336,
  "fwhm_x": 3.6219,
  "fwhm_y": 3.8238208,
  "fwhm_z": 3.6344524799999998,
  "icvs_csf": 0.20752805352908318,
  "icvs_gm": 0.39971253823474556,
  "icvs_wm": 0.3927594082361712,
  "inu_med": 0.5547977983951569,
  "inu_range": 0.20398046970367434,
  "provenance": {
    "md5sum": "a54099f320cdc5d725adb757577d712b",
    "settings": {
      "testing": false
    },
    "software": "mriqc",
    "version": "22.0.6",
    "warnings": {
      "large_rot_frame": true,
      "small_air_mask": false
    },
    "webapi_port": null,
    "webapi_url": "https://mriqc.nimh.nih.gov/api/v1"
  },
  "qi_1": 2.417516078208717e-06,
  "qi_2": 0.006811195961690114,
  "rpve_csf": 25.964489025713515,
  "rpve_gm": 13.47380633973403,
  "rpve_wm": 15.977110159364775,
  "size_x": 176,
  "size_y": 256,
  "size_z": 256,
  "snr_csf": 2.7829018069843565,
  "snr_gm": 13.122047435616652,
  "snr_total": 11.440358149727698,
  "snr_wm": 18.416125206582088,
  "snrd_csf": 14.278649435293204,
  "snrd_gm": 32.748660397381386,
  "snrd_total": 29.956365229809062,
  "snrd_wm": 42.84178585675259,
  "spacing_x": 1.0,
  "spacing_y": 0.9765625,
  "spacing_z": 0.9765625,
  "summary_bg_k": 15.72592498532352,
  "summary_bg_mad": 0.0,
  "summary_bg_mean": 9.221228886797094,
  "summary_bg_median": 0.0,
  "summary_bg_n": 2667189.0,
  "summary_bg_p05": 0.0,
  "summary_bg_p95": 38.15406918525696,
  "summary_bg_stdv": 15.292689933122922,
  "summary_csf_k": 33.28295349573771,
  "summary_csf_mad": 83.0327265408612,
  "summary_csf_mean": 347.2726472640125,
  "summary_csf_median": 333.3030472397804,
  "summary_csf_n": 40900.0,
  "summary_csf_p05": 194.0384236380458,
  "summary_csf_p95": 539.1556058719752,
  "summary_csf_stdv": 119.76670242873872,
  "summary_gm_k": -0.048040607775821975,
  "summary_gm_mad": 58.6549106383537,
  "summary_gm_mean": 765.1054603246458,
  "summary_gm_median": 764.444029033184,
  "summary_gm_n": 13420.0,
  "summary_gm_p05": 670.1921227678656,
  "summary_gm_p95": 862.3387404754757,
  "summary_gm_stdv": 58.25428925874485,
  "summary_wm_k": 0.20233774140766414,
  "summary_wm_mad": 53.73894223812428,
  "summary_wm_mean": 1003.3864749266274,
  "summary_wm_median": 1000.0454062521458,
  "summary_wm_n": 199740.0,
  "summary_wm_p05": 920.1035470068455,
  "summary_wm_p95": 1097.9741838276386,
  "summary_wm_stdv": 54.30256862739478,
  "tpm_overlap_csf": 0.17930964478107855,
  "tpm_overlap_gm": 0.43730921160125935,
  "tpm_overlap_wm": 0.4996507860820495,
  "wm2max": 0.3910865587864362
}