{
  "bids_meta": {
    "AcquisitionMatrix": [
      0,
      256,
      246,
      0
    ],
    "EchoTime": 0.00247,
    "EchoTrainLength": 1,
    "FlipAngle": 9,
    "InversionTime": 0.9,
    "MagneticFieldStrength": 3,
    "Manufacturer": "Siemens",
    "ManufacturersModelName": "Verio",
    "NumberOfAverages": 1,
    "PercentPhaseFOV": 100,
    "PhaseEncodingSteps": 246,
    "PixelBandwidth": 170,
    "ProtocolName": "t1_mpr_sag_p2_iso",
    "RepetitionTime": 1.9,
    "ScanOptions": "IR",
    "ScanningSequence": "GR\\IR",
    "SequenceVariant": "SP\\MP\\OSP",
    "SeriesDescription": "t1_mpr_ns_sag_p2_iso",
    "SliceThickness": 1,
    "SoftwareVersions": "syngo MR B17",
    "dataset": "ds003763",
    "modality": "T1w",
    "subject_id": "09210"
  },
  "cjv": 0.4030715251256365,
  "cnr": 3.4236535019110463,
  "efc": 0.49796820604801467,
  "fber": 27577.423517169616,
  "fwhm_avg": 4.0262264327006205,
  "fwhm_x": 4.076262905666223,
  "fwhm_y": 4.05609447243564,
  "fwhm_z": 3.94632192,
  "icvs_csf": 0.21719972088427106,
  "icvs_gm": 0.4162701673061338,
  "icvs_wm": 0.36653011180959516,
  "inu_med": 0.39213554561138153,
  "inu_range": 0.11828553676605225,
  "provenance": {
    "md5sum": "8903ccb5d705cf6ab6adbc9a41a7642a",
    "settings": {
      "testing": false
    },
    "software": "mriqc",
    "version": "22.0.6",
    "warnings": {
      "large_rot_frame": true,
      "small_air_mask": false
    },
    "webapi_port": null,
    "webapi_url": "https://mriqc.nimh.nih.gov/api/v1"
  },
  "qi_1": 0.0,
  "qi_2": 0.010853864530509086,
  "rpve_csf": 25.2343631969412,
  "rpve_gm": 13.631587377670298,
  "rpve_wm": 18.21955310120774,
  "size_x": 175,
  "size_y": 256,
  "size_z": 256,
  "snr_csf": 3.123393931972974,
  "snr_gm": 13.793231298888148,
  "snr_total": 14.370963586416947,
  "snr_wm": 26.196265528389716,
  "snrd_csf": 34.2728912893298,
  "snrd_gm": 82.10244134649831,
  "snrd_total": 74.42932816831673,
  "snrd_wm": 106.9126518691221,
  "spacing_x": 1.0057471990585327,
  "spacing_y": 0.9765625596046448,
  "spacing_z": 0.9765625,
  "summary_bg_k": 6.432771622093572,
  "summary_bg_mad": 0.0,
  "summary_bg_mean": 3.9166030205989113,
  "summary_bg_median": 0.0,
  "summary_bg_n": 2856391.0,
  "summary_bg_p05": 0.0,
  "summary_bg_p95": 15.690721660852432,
  "summary_bg_stdv": 6.127996847827269,
  "summary_csf_k": 1.7800145692163571,
  "summary_csf_mad": 78.89932091609688,
  "summary_csf_mean": 337.7431146338458,
  "summary_csf_median": 320.58082833886147,
  "summary_csf_n": 30793.0,
  "summary_csf_p05": 202.26766650080683,
  "summary_csf_p95": 534.9109657108784,
  "summary_csf_stdv": 102.63694873634581,
  "summary_gm_k": -0.027913225992515667,
  "summary_gm_mad": 56.178485545756956,
  "summary_gm_mean": 765.8915783784346,
  "summary_gm_median": 767.9675587713718,
  "summary_gm_n": 24661.0,
  "summary_gm_p05": 672.1041986942291,
  "summary_gm_p95": 854.9431674182415,
  "summary_gm_stdv": 55.67600306887103,
  "summary_wm_k": 0.27179000125091735,
  "summary_wm_mad": 37.361946468172334,
  "summary_wm_mean": 1000.9847478356846,
  "summary_wm_median": 1000.0366238951683,
  "summary_wm_n": 199639.0,
  "summary_wm_p05": 940.1631708443165,
  "summary_wm_p95": 1065.1403174996376,
  "summary_wm_stdv": 38.1746825018199,
  "tpm_overlap_csf": 0.16449411755000923,
  "tpm_overlap_gm": 0.4539676228142374,
  "tpm_overlap_wm": 0.5266146033392656,
  "wm2max": 0.4915239002642602
}