{
  "bids_meta": {
    "AcquisitionMatrix": [
      0,
      256,
      246,
      0
    ],
    "EchoTime": 0.00247,
    "EchoTrainLength": 1,
    "FlipAngle": 9,
    "InversionTime": 0.9,
    "MagneticFieldStrength": 3,
    "Manufacturer": "Siemens",
    "ManufacturersModelName": "Verio",
    "NumberOfAverages": 1,
    "PercentPhaseFOV": 100,
    "PhaseEncodingSteps": 246,
    "PixelBandwidth": 170,
    "ProtocolName": "t1_mpr_sag_p2_iso",
    "RepetitionTime": 1.9,
    "ScanOptions": "IR",
    "ScanningSequence": "GR\\IR",
    "SequenceVariant": "SP\\MP\\OSP",
    "SeriesDescription": "t1_mpr_ns_sag_p2_iso",
    "SliceThickness": 1,
    "SoftwareVersions": "syngo MR B17",
    "dataset": "ds003763",
    "modality": "T1w",
    "subject_id": "10112"
  },
  "cjv": 0.37921923964740206,
  "cnr": 3.6465180126709216,
  "efc": 0.5351499724069675,
  "fber": 14216.2000297442,
  "fwhm_avg": 4.476166547675631,
  "fwhm_x": 4.47405,
  "fwhm_y": 4.537927403026892,
  "fwhm_z": 4.41652224,
  "icvs_csf": 0.21495892694399893,
  "icvs_gm": 0.4117965345214409,
  "icvs_wm": 0.3732445385345602,
  "inu_med": 0.43989700078964233,
  "inu_range": 0.15086454153060913,
  "provenance": {
    "md5sum": "692dcbf058635d032d73fbdf440a4af6",
    "settings": {
      "testing": false
    },
    "software": "mriqc",
    "version": "22.0.6",
    "warnings": {
      "large_rot_frame": true,
      "small_air_mask": false
    },
    "webapi_port": null,
    "webapi_url": "https://mriqc.nimh.nih.gov/api/v1"
  },
  "qi_1": 0.0,
  "qi_2": 0.014777353007452467,
  "rpve_csf": 24.959006111079653,
  "rpve_gm": 13.25041857129218,
  "rpve_wm": 16.927081516775388,
  "size_x": 176,
  "size_y": 256,
  "size_z": 256,
  "snr_csf": 2.919217311885879,
  "snr_gm": 13.066367897488833,
  "snr_total": 13.452309742706573,
  "snr_wm": 24.371344018745003,
  "snrd_csf": 25.42767790516633,
  "snrd_gm": 68.11558814832183,
  "snrd_total": 61.74062742843737,
  "snrd_wm": 91.67861623182395,
  "spacing_x": 1.0,
  "spacing_y": 0.9765625596046448,
  "spacing_z": 0.9765625,
  "summary_bg_k": 6.931116855017672,
  "summary_bg_mad": 0.0,
  "summary_bg_mean": 4.787034956964261,
  "summary_bg_median": 0.0,
  "summary_bg_n": 2359994.0,
  "summary_bg_p05": 0.0,
  "summary_bg_p95": 18.663823418319225,
  "summary_bg_stdv": 7.146283478931355,
  "summary_csf_k": 1.6495752466200626,
  "summary_csf_mad": 74.54235577071816,
  "summary_csf_mean": 291.5992358598521,
  "summary_csf_median": 277.36726965755224,
  "summary_csf_n": 52823.0,
  "summary_csf_p05": 162.6418897882104,
  "summary_csf_p95": 473.90875708311796,
  "summary_csf_stdv": 95.01335960001124,
  "summary_gm_k": -0.006367031793402589,
  "summary_gm_mad": 57.60091127737312,
  "summary_gm_mean": 742.8053192594743,
  "summary_gm_median": 743.0106192268431,
  "summary_gm_n": 28245.0,
  "summary_gm_p05": 649.3258435539901,
  "summary_gm_p95": 835.9488419629633,
  "summary_gm_stdv": 56.8633511608708,
  "summary_wm_k": 0.373628920734729,
  "summary_wm_mad": 39.86886604100532,
  "summary_wm_mean": 1001.5065395488041,
  "summary_wm_median": 1000.0381303019822,
  "summary_wm_n": 223899.0,
  "summary_wm_p05": 936.9620250351727,
  "summary_wm_p95": 1071.3415536470711,
  "summary_wm_stdv": 41.03326826355579,
  "tpm_overlap_csf": 0.17661221293308343,
  "tpm_overlap_gm": 0.4667950524394743,
  "tpm_overlap_wm": 0.5317091552818408,
  "wm2max": 0.4800255964896243
}