{
  "bids_meta": {
    "AcquisitionMatrix": [
      0,
      256,
      246,
      0
    ],
    "EchoTime": 0.00247,
    "EchoTrainLength": 1,
    "FlipAngle": 9,
    "InversionTime": 0.9,
    "MagneticFieldStrength": 3,
    "Manufacturer": "Siemens",
    "ManufacturersModelName": "Verio",
    "NumberOfAverages": 1,
    "PercentPhaseFOV": 100,
    "PhaseEncodingSteps": 246,
    "PixelBandwidth": 170,
    "ProtocolName": "t1_mpr_sag_p2_iso",
    "RepetitionTime": 1.9,
    "ScanOptions": "IR",
    "ScanningSequence": "GR\\IR",
    "SequenceVariant": "SP\\MP\\OSP",
    "SeriesDescription": "t1_mpr_ns_sag_p2_iso",
    "SliceThickness": 1,
    "SoftwareVersions": "syngo MR B17",
    "dataset": "ds003763",
    "modality": "T1w",
    "subject_id": "10652"
  },
  "cjv": 0.41852389343768825,
  "cnr": 3.301423909250809,
  "efc": 0.5217128035861428,
  "fber": 21709.24642932157,
  "fwhm_avg": 4.283947093333334,
  "fwhm_x": 4.31376,
  "fwhm_y": 4.25321472,
  "fwhm_z": 4.28486656,
  "icvs_csf": 0.21841188509280596,
  "icvs_gm": 0.4110505619688885,
  "icvs_wm": 0.37053755293830554,
  "inu_med": 0.4914458990097046,
  "inu_range": 0.17907446324825282,
  "provenance": {
    "md5sum": "926821b309626a750deaf96d8891ef7b",
    "settings": {
      "testing": false
    },
    "software": "mriqc",
    "version": "22.0.6",
    "warnings": {
      "large_rot_frame": true,
      "small_air_mask": false
    },
    "webapi_port": null,
    "webapi_url": "https://mriqc.nimh.nih.gov/api/v1"
  },
  "qi_1": 0.0,
  "qi_2": 0.004613666749270767,
  "rpve_csf": 24.56768438181362,
  "rpve_gm": 13.20142584293913,
  "rpve_wm": 16.88394330311131,
  "size_x": 176,
  "size_y": 256,
  "size_z": 256,
  "snr_csf": 2.678201028554177,
  "snr_gm": 13.230760179379065,
  "snr_total": 12.825230318939235,
  "snr_wm": 22.566729748884466,
  "snrd_csf": 20.415766583237687,
  "snrd_gm": 57.74809390451258,
  "snrd_total": 51.415931007037784,
  "snrd_wm": 76.0839325333631,
  "spacing_x": 1.0,
  "spacing_y": 0.9765625,
  "spacing_z": 0.9765625,
  "summary_bg_k": 8.59794771488309,
  "summary_bg_mad": 0.0,
  "summary_bg_mean": 5.468565928899201,
  "summary_bg_median": 0.0,
  "summary_bg_n": 3172517.0,
  "summary_bg_p05": 0.0,
  "summary_bg_p95": 23.070129577070475,
  "summary_bg_stdv": 8.611022911152073,
  "summary_csf_k": 1.7751393745043833,
  "summary_csf_mad": 72.88087813452577,
  "summary_csf_mean": 276.9603620507007,
  "summary_csf_median": 268.34203350171447,
  "summary_csf_n": 48196.0,
  "summary_csf_p05": 109.72109473496675,
  "summary_csf_p95": 461.6969472616911,
  "summary_csf_stdv": 100.19384159898472,
  "summary_gm_k": -0.03155055217923941,
  "summary_gm_mad": 57.87920037479928,
  "summary_gm_mean": 757.4253659267888,
  "summary_gm_median": 759.0330192111433,
  "summary_gm_n": 27842.0,
  "summary_gm_p05": 660.5728705001995,
  "summary_gm_p95": 849.1794585473835,
  "summary_gm_stdv": 57.36778368883379,
  "summary_wm_k": 0.3088313734895234,
  "summary_wm_mad": 42.98662572605262,
  "summary_wm_mean": 1001.6008073964174,
  "summary_wm_median": 1000.036765191704,
  "summary_wm_n": 207154.0,
  "summary_wm_p05": 931.635854691267,
  "summary_wm_p95": 1076.8268137201667,
  "summary_wm_stdv": 44.314544578007435,
  "tpm_overlap_csf": 0.17244927179163846,
  "tpm_overlap_gm": 0.4644742453813016,
  "tpm_overlap_wm": 0.5278817323565766,
  "wm2max": 0.4777801216468024
}