{
  "bids_meta": {
    "AcquisitionMatrix": [
      0,
      256,
      246,
      0
    ],
    "EchoTime": 0.00247,
    "EchoTrainLength": 1,
    "FlipAngle": 9,
    "InversionTime": 0.9,
    "MagneticFieldStrength": 3,
    "Manufacturer": "Siemens",
    "ManufacturersModelName": "Verio",
    "NumberOfAverages": 1,
    "PercentPhaseFOV": 100,
    "PhaseEncodingSteps": 246,
    "PixelBandwidth": 170,
    "ProtocolName": "t1_mpr_sag_p2_iso",
    "RepetitionTime": 1.9,
    "ScanOptions": "IR",
    "ScanningSequence": "GR\\IR",
    "SequenceVariant": "SP\\MP\\OSP",
    "SeriesDescription": "t1_mpr_ns_sag_p2_iso",
    "SliceThickness": 1,
    "SoftwareVersions": "syngo MR B17",
    "dataset": "ds003763",
    "modality": "T1w",
    "subject_id": "10657"
  },
  "cjv": 0.35205203213786307,
  "cnr": 3.277674196743934,
  "efc": 0.5649663645671744,
  "fber": 19894.522846687934,
  "fwhm_avg": 7.2821530229117215,
  "fwhm_x": 4.84974,
  "fwhm_y": 8.74688405226513,
  "fwhm_z": 8.249835016470032,
  "icvs_csf": 0.2553889399608686,
  "icvs_gm": 0.3793850265896119,
  "icvs_wm": 0.3652260334495196,
  "inu_med": 0.4880446493625641,
  "inu_range": 0.16617001891136174,
  "provenance": {
    "md5sum": "7a63bfd01952cfb3a396970ebfefada9",
    "settings": {
      "testing": false
    },
    "software": "mriqc",
    "version": "22.0.6",
    "warnings": {
      "large_rot_frame": true,
      "small_air_mask": false
    },
    "webapi_port": null,
    "webapi_url": "https://mriqc.nimh.nih.gov/api/v1"
  },
  "qi_1": 0.00375390543088285,
  "qi_2": 0.0006188552312583511,
  "rpve_csf": 24.621961268061153,
  "rpve_gm": 15.978186748018315,
  "rpve_wm": 19.480678979831104,
  "size_x": 176,
  "size_y": 512,
  "size_z": 512,
  "snr_csf": 2.9354040488935866,
  "snr_gm": 17.29917599460734,
  "snr_total": 15.305154355761445,
  "snr_wm": 25.68088302378341,
  "snrd_csf": 4.568956731987478,
  "snrd_gm": 12.490868471831746,
  "snrd_total": 11.121374821101824,
  "snrd_wm": 16.30429925948625,
  "spacing_x": 1.0,
  "spacing_y": 0.4882813096046448,
  "spacing_z": 0.4882812798023224,
  "summary_bg_k": 615.4031119533634,
  "summary_bg_mad": 0.0,
  "summary_bg_mean": 6.458618349305778,
  "summary_bg_median": 0.0,
  "summary_bg_n": 1760000.0,
  "summary_bg_p05": 0.0,
  "summary_bg_p95": 19.421518072485924,
  "summary_bg_stdv": 40.181817197174894,
  "summary_csf_k": 5.155247168766035,
  "summary_csf_mad": 80.15279316820347,
  "summary_csf_mean": 289.20664192614913,
  "summary_csf_median": 280.23016914725304,
  "summary_csf_n": 426876.0,
  "summary_csf_p05": 139.01718199253082,
  "summary_csf_p95": 461.15694276988506,
  "summary_csf_stdv": 95.46550874963715,
  "summary_gm_k": 0.04145220722522769,
  "summary_gm_mad": 44.17384329368077,
  "summary_gm_mean": 765.5022208111604,
  "summary_gm_median": 766.1088493466377,
  "summary_gm_n": 221486.0,
  "summary_gm_p05": 691.9814957678318,
  "summary_gm_p95": 836.6774842143059,
  "summary_gm_stdv": 44.285757894413194,
  "summary_wm_k": 0.33884124899648294,
  "summary_wm_mad": 38.167996746763556,
  "summary_wm_mean": 1000.8557319868777,
  "summary_wm_median": 999.9999578297138,
  "summary_wm_n": 987976.0,
  "summary_wm_p05": 938.5552719980478,
  "summary_wm_p95": 1065.9119714051485,
  "summary_wm_stdv": 38.93944966060265,
  "tpm_overlap_csf": 0.15042868186517033,
  "tpm_overlap_gm": 0.41613384866592185,
  "tpm_overlap_wm": 0.49756508198086435,
  "wm2max": 0.47587648182178505
}