{
  "bids_meta": {
    "AcquisitionMatrix": [
      0,
      256,
      246,
      0
    ],
    "EchoTime": 0.00247,
    "EchoTrainLength": 1,
    "FlipAngle": 9,
    "InversionTime": 0.9,
    "MagneticFieldStrength": 3,
    "Manufacturer": "Siemens",
    "ManufacturersModelName": "Verio",
    "NumberOfAverages": 1,
    "PercentPhaseFOV": 100,
    "PhaseEncodingSteps": 246,
    "PixelBandwidth": 170,
    "ProtocolName": "t1_mpr_sag_p2_iso",
    "RepetitionTime": 1.9,
    "ScanOptions": "IR",
    "ScanningSequence": "GR\\IR",
    "SequenceVariant": "SP\\MP\\OSP",
    "SeriesDescription": "t1_mpr_ns_sag_p2_iso",
    "SliceThickness": 1,
    "SoftwareVersions": "syngo MR B17",
    "dataset": "ds003763",
    "modality": "T1w",
    "subject_id": "10174"
  },
  "cjv": 0.45310989149834124,
  "cnr": 3.054794263831065,
  "efc": 0.55559415255853,
  "fber": 14688.138552317463,
  "fwhm_avg": 4.23071264,
  "fwhm_x": 4.25532,
  "fwhm_y": 4.32985088,
  "fwhm_z": 4.106967040000001,
  "icvs_csf": 0.21042766281848418,
  "icvs_gm": 0.3831633976888353,
  "icvs_wm": 0.40640893949268053,
  "inu_med": 0.5013658404350281,
  "inu_range": 0.19384087324142457,
  "provenance": {
    "md5sum": "e8e2009b4be88bdafd0c1c4c3338ddf7",
    "settings": {
      "testing": false
    },
    "software": "mriqc",
    "version": "22.0.6",
    "warnings": {
      "large_rot_frame": true,
      "small_air_mask": false
    },
    "webapi_port": null,
    "webapi_url": "https://mriqc.nimh.nih.gov/api/v1"
  },
  "qi_1": 0.0,
  "qi_2": 0.010521179711837804,
  "rpve_csf": 25.24165542317707,
  "rpve_gm": 13.418743019691693,
  "rpve_wm": 14.738123819852497,
  "size_x": 176,
  "size_y": 256,
  "size_z": 256,
  "snr_csf": 2.959381788143988,
  "snr_gm": 12.80001675554616,
  "snr_total": 11.795125567361943,
  "snr_wm": 19.62597815839568,
  "snrd_csf": 17.420472342765944,
  "snrd_gm": 44.23862314319576,
  "snrd_total": 39.98754325791844,
  "snrd_wm": 58.3035342877936,
  "spacing_x": 1.0,
  "spacing_y": 0.9765625,
  "spacing_z": 0.9765625,
  "summary_bg_k": 16.2157168737851,
  "summary_bg_mad": 0.0,
  "summary_bg_mean": 6.578717547863063,
  "summary_bg_median": 0.0,
  "summary_bg_n": 2948423.0,
  "summary_bg_p05": 0.0,
  "summary_bg_p95": 29.81703244149685,
  "summary_bg_stdv": 11.237157717919626,
  "summary_csf_k": 1.7583352573928455,
  "summary_csf_mad": 76.69209730580933,
  "summary_csf_mean": 306.3442049225478,
  "summary_csf_median": 298.8028069213033,
  "summary_csf_n": 60049.0,
  "summary_csf_p05": 144.79331662878394,
  "summary_csf_p95": 488.5927361436188,
  "summary_csf_stdv": 100.9671412172912,
  "summary_gm_k": -0.09390263439345548,
  "summary_gm_mad": 59.74615790111959,
  "summary_gm_mean": 758.6943524881101,
  "summary_gm_median": 758.7982983142138,
  "summary_gm_n": 21051.0,
  "summary_gm_p05": 660.65056652762,
  "summary_gm_p95": 855.9069516975433,
  "summary_gm_stdv": 59.279631404782336,
  "summary_wm_k": 0.3696953389089237,
  "summary_wm_mad": 49.565198258776334,
  "summary_wm_mean": 1002.5858951352917,
  "summary_wm_median": 1000.0451971590519,
  "summary_wm_n": 233255.0,
  "summary_wm_p05": 923.3341046050191,
  "summary_wm_p95": 1090.142330186441,
  "summary_wm_stdv": 50.95506809454469,
  "tpm_overlap_csf": 0.17164648204497043,
  "tpm_overlap_gm": 0.4370127139161517,
  "tpm_overlap_wm": 0.5137698786934016,
  "wm2max": 0.40201224052449014
}