{
  "bids_meta": {
    "AcquisitionMatrix": [
      0,
      256,
      246,
      0
    ],
    "EchoTime": 0.00247,
    "EchoTrainLength": 1,
    "FlipAngle": 9,
    "InversionTime": 0.9,
    "MagneticFieldStrength": 3,
    "Manufacturer": "Siemens",
    "ManufacturersModelName": "Verio",
    "NumberOfAverages": 1,
    "PercentPhaseFOV": 100,
    "PhaseEncodingSteps": 246,
    "PixelBandwidth": 170,
    "ProtocolName": "t1_mpr_sag_p2_iso",
    "RepetitionTime": 1.9,
    "ScanOptions": "IR",
    "ScanningSequence": "GR\\IR",
    "SequenceVariant": "SP\\MP\\OSP",
    "SeriesDescription": "t1_mpr_ns_sag_p2_iso",
    "SliceThickness": 1,
    "SoftwareVersions": "syngo MR B17",
    "dataset": "ds003763",
    "modality": "T1w",
    "subject_id": "09260"
  },
  "cjv": 0.43925741562512377,
  "cnr": 3.205557912761709,
  "efc": 0.5508575687114208,
  "fber": 16985.5093505248,
  "fwhm_avg": 4.044491604910901,
  "fwhm_x": 4.079540243159546,
  "fwhm_y": 4.07229464855314,
  "fwhm_z": 3.981639923020015,
  "icvs_csf": 0.19532274076364986,
  "icvs_gm": 0.4178951429264296,
  "icvs_wm": 0.38678211630992054,
  "inu_med": 0.4655640572309494,
  "inu_range": 0.1694364696741104,
  "provenance": {
    "md5sum": "c774b7728dd474ec1a3d975611e68685",
    "settings": {
      "testing": false
    },
    "software": "mriqc",
    "version": "22.0.6",
    "warnings": {
      "large_rot_frame": true,
      "small_air_mask": false
    },
    "webapi_port": null,
    "webapi_url": "https://mriqc.nimh.nih.gov/api/v1"
  },
  "qi_1": 0.0,
  "qi_2": 0.016190559009642103,
  "rpve_csf": 29.980814225549835,
  "rpve_gm": 14.438826573758167,
  "rpve_wm": 18.00117720096502,
  "size_x": 176,
  "size_y": 256,
  "size_z": 256,
  "snr_csf": 2.562826737404555,
  "snr_gm": 13.719885327746935,
  "snr_total": 12.657101338436242,
  "snr_wm": 21.688591950157235,
  "snrd_csf": 24.51223112820586,
  "snrd_gm": 57.247458740821656,
  "snrd_total": 52.159628756891266,
  "snrd_wm": 74.71919640164627,
  "spacing_x": 0.9999999403953552,
  "spacing_y": 0.9765624403953552,
  "spacing_z": 0.9765624403953552,
  "summary_bg_k": 11.880117906533375,
  "summary_bg_mad": 0.0,
  "summary_bg_mean": 4.946869844760754,
  "summary_bg_median": 0.0,
  "summary_bg_n": 2202844.0,
  "summary_bg_p05": 0.0,
  "summary_bg_p95": 22.3489161580801,
  "summary_bg_stdv": 8.768379407841385,
  "summary_csf_k": 2.89115070433835,
  "summary_csf_mad": 103.4609501960466,
  "summary_csf_mean": 327.9763082715569,
  "summary_csf_median": 328.07296719402075,
  "summary_csf_n": 29745.0,
  "summary_csf_p05": 102.98745445907116,
  "summary_csf_p95": 539.9224483594298,
  "summary_csf_stdv": 128.0100006767063,
  "summary_gm_k": -0.10820499276516493,
  "summary_gm_mad": 57.140197984091095,
  "summary_gm_mean": 765.5142953595948,
  "summary_gm_median": 766.2029439583421,
  "summary_gm_n": 19651.0,
  "summary_gm_p05": 672.6111562922597,
  "summary_gm_p95": 855.3477534092963,
  "summary_gm_stdv": 55.844741420309546,
  "summary_wm_k": 0.18350608692804826,
  "summary_wm_mad": 45.576915315121184,
  "summary_wm_mean": 1002.5621311547204,
  "summary_wm_median": 1000.045583024621,
  "summary_wm_n": 181680.0,
  "summary_wm_p05": 931.4024833962321,
  "summary_wm_p95": 1082.3260825127363,
  "summary_wm_stdv": 46.1091634303418,
  "tpm_overlap_csf": 0.14043539408600766,
  "tpm_overlap_gm": 0.42617266684852173,
  "tpm_overlap_wm": 0.46610103462933333,
  "wm2max": 0.4140653031933979
}