{
  "bids_meta": {
    "AcquisitionMatrix": [
      0,
      256,
      246,
      0
    ],
    "EchoTime": 0.00247,
    "EchoTrainLength": 1,
    "FlipAngle": 9,
    "InversionTime": 0.9,
    "MagneticFieldStrength": 3,
    "Manufacturer": "Siemens",
    "ManufacturersModelName": "Verio",
    "NumberOfAverages": 1,
    "PercentPhaseFOV": 100,
    "PhaseEncodingSteps": 246,
    "PixelBandwidth": 170,
    "ProtocolName": "t1_mpr_sag_p2_iso",
    "RepetitionTime": 1.9,
    "ScanOptions": "IR",
    "ScanningSequence": "GR\\IR",
    "SequenceVariant": "SP\\MP\\OSP",
    "SeriesDescription": "t1_mpr_ns_sag_p2_iso",
    "SliceThickness": 1,
    "SoftwareVersions": "syngo MR B17",
    "dataset": "ds003763",
    "modality": "T1w",
    "subject_id": "09548"
  },
  "cjv": 0.4034484964242118,
  "cnr": 3.4408924825581626,
  "efc": 0.6027702885418523,
  "fber": -1.0,
  "fwhm_avg": 4.151977679999999,
  "fwhm_x": 4.27447,
  "fwhm_y": 4.0764928,
  "fwhm_z": 4.104970239999999,
  "icvs_csf": 0.2303149975943213,
  "icvs_gm": 0.4125405707171346,
  "icvs_wm": 0.3571444316885441,
  "inu_med": 0.47927695512771606,
  "inu_range": 0.16499212384223938,
  "provenance": {
    "md5sum": "c3aa2bd79004632e0623c4643da0aade",
    "settings": {
      "testing": false
    },
    "software": "mriqc",
    "version": "22.0.6",
    "warnings": {
      "large_rot_frame": true,
      "small_air_mask": false
    },
    "webapi_port": null,
    "webapi_url": "https://mriqc.nimh.nih.gov/api/v1"
  },
  "qi_1": 0.0,
  "qi_2": 0.025891602172877153,
  "rpve_csf": 24.644682753994598,
  "rpve_gm": 13.681214594554321,
  "rpve_wm": 18.119653576936766,
  "size_x": 176,
  "size_y": 256,
  "size_z": 256,
  "snr_csf": 2.942896101676857,
  "snr_gm": 14.504504941792158,
  "snr_total": 13.256869981346838,
  "snr_wm": 22.323208900571498,
  "snrd_csf": 29.816459937986302,
  "snrd_gm": 66.75081645009722,
  "snrd_total": 61.41971695836603,
  "snrd_wm": 87.69187448701456,
  "spacing_x": 1.0,
  "spacing_y": 0.9765625,
  "spacing_z": 0.9765625,
  "summary_bg_k": 8.948458632131215,
  "summary_bg_mad": 0.0,
  "summary_bg_mean": 3.9706554101117733,
  "summary_bg_median": 0.0,
  "summary_bg_n": 1330494.0,
  "summary_bg_p05": 0.0,
  "summary_bg_p95": 19.56341704726219,
  "summary_bg_stdv": 7.4712158502885675,
  "summary_csf_k": 0.852258730110961,
  "summary_csf_mad": 99.28802805749943,
  "summary_csf_mean": 347.01757656043293,
  "summary_csf_median": 340.02874529361725,
  "summary_csf_n": 46734.0,
  "summary_csf_p05": 145.49692326486112,
  "summary_csf_p95": 545.5274093508718,
  "summary_csf_stdv": 115.54098262737705,
  "summary_gm_k": 0.01475599550364759,
  "summary_gm_mad": 52.7447461997061,
  "summary_gm_mean": 759.6107840567249,
  "summary_gm_median": 761.2304214537144,
  "summary_gm_n": 21660.0,
  "summary_gm_p05": 670.8639917075634,
  "summary_gm_p95": 842.1441043660044,
  "summary_gm_stdv": 52.481132726899276,
  "summary_wm_k": 0.3167817358161167,
  "summary_wm_mad": 43.60404615407425,
  "summary_wm_mean": 1002.4127406186435,
  "summary_wm_median": 1000.043536901474,
  "summary_wm_n": 186964.0,
  "summary_wm_p05": 932.813353151083,
  "summary_wm_p95": 1079.5171954631805,
  "summary_wm_stdv": 44.79825758581833,
  "tpm_overlap_csf": 0.16515024170669781,
  "tpm_overlap_gm": 0.45480947181344916,
  "tpm_overlap_wm": 0.5137578548615385,
  "wm2max": 0.4508525182682486
}