{
  "bids_meta": {
    "AcquisitionMatrix": [
      0,
      256,
      246,
      0
    ],
    "EchoTime": 0.00247,
    "EchoTrainLength": 1,
    "FlipAngle": 9,
    "InversionTime": 0.9,
    "MagneticFieldStrength": 3,
    "Manufacturer": "Siemens",
    "ManufacturersModelName": "Verio",
    "NumberOfAverages": 1,
    "PercentPhaseFOV": 100,
    "PhaseEncodingSteps": 246,
    "PixelBandwidth": 170,
    "ProtocolName": "t1_mpr_sag_p2_iso",
    "RepetitionTime": 1.9,
    "ScanOptions": "IR",
    "ScanningSequence": "GR\\IR",
    "SequenceVariant": "SP\\MP\\OSP",
    "SeriesDescription": "t1_mpr_ns_sag_p2_iso",
    "SliceThickness": 1,
    "SoftwareVersions": "syngo MR B17",
    "dataset": "ds003763",
    "modality": "T1w",
    "subject_id": "09587"
  },
  "cjv": 0.4270916299047791,
  "cnr": 3.27907452239405,
  "efc": 0.5363718745208047,
  "fber": 13653.615001731301,
  "fwhm_avg": 4.249697985942302,
  "fwhm_x": 4.19381,
  "fwhm_y": 4.374097653026267,
  "fwhm_z": 4.181186304800641,
  "icvs_csf": 0.20654237955607366,
  "icvs_gm": 0.40606352655934363,
  "icvs_wm": 0.38739409388458274,
  "inu_med": 0.4696519076824188,
  "inu_range": 0.16613905429840087,
  "provenance": {
    "md5sum": "aa8545ec835edaff355071d3037b90c1",
    "settings": {
      "testing": false
    },
    "software": "mriqc",
    "version": "22.0.6",
    "warnings": {
      "large_rot_frame": true,
      "small_air_mask": false
    },
    "webapi_port": null,
    "webapi_url": "https://mriqc.nimh.nih.gov/api/v1"
  },
  "qi_1": 6.65023856219424e-06,
  "qi_2": 0.01598115535260287,
  "rpve_csf": 25.81494789390451,
  "rpve_gm": 13.222016394147971,
  "rpve_wm": 16.146574432152466,
  "size_x": 176,
  "size_y": 256,
  "size_z": 256,
  "snr_csf": 2.8988873822231875,
  "snr_gm": 13.911275771627983,
  "snr_total": 12.602610445463517,
  "snr_wm": 20.99766818253938,
  "snrd_csf": 23.607024042483765,
  "snrd_gm": 54.0003502975584,
  "snrd_total": 49.54202493603791,
  "snrd_wm": 71.0187004680716,
  "spacing_x": 1.0,
  "spacing_y": 0.9765625596046448,
  "spacing_z": 0.9765625596046448,
  "summary_bg_k": 11.933144628062735,
  "summary_bg_mad": 0.0,
  "summary_bg_mean": 5.4665245399224265,
  "summary_bg_median": 0.0,
  "summary_bg_n": 3084807.0,
  "summary_bg_p05": 0.0,
  "summary_bg_p95": 23.160824462771416,
  "summary_bg_stdv": 9.225257743479524,
  "summary_csf_k": 0.7649588163889534,
  "summary_csf_mad": 93.69827895569883,
  "summary_csf_mean": 334.93648612286916,
  "summary_csf_median": 332.42067048698664,
  "summary_csf_n": 38451.0,
  "summary_csf_p05": 131.3793279118836,
  "summary_csf_p95": 534.2699487991631,
  "summary_csf_stdv": 114.67032139441872,
  "summary_gm_k": -0.05046414437028712,
  "summary_gm_mad": 55.566806056824234,
  "summary_gm_mean": 759.9061201704978,
  "summary_gm_median": 760.4021845422685,
  "summary_gm_n": 20765.0,
  "summary_gm_p05": 669.2041939541698,
  "summary_gm_p95": 847.9644643135368,
  "summary_gm_stdv": 54.659535695809645,
  "summary_wm_k": 0.21780072695413288,
  "summary_wm_mad": 46.78259240472747,
  "summary_wm_mean": 1002.1447352422935,
  "summary_wm_median": 1000.0449012219906,
  "summary_wm_n": 216590.0,
  "summary_wm_p05": 927.9141940288246,
  "summary_wm_p95": 1084.0253325589001,
  "summary_wm_stdv": 47.62636421877035,
  "tpm_overlap_csf": 0.16509251583849263,
  "tpm_overlap_gm": 0.45938460926799385,
  "tpm_overlap_wm": 0.5282807344070337,
  "wm2max": 0.40093696521398425
}