{
  "bids_meta": {
    "AcquisitionMatrix": [
      0,
      256,
      246,
      0
    ],
    "EchoTime": 0.00247,
    "EchoTrainLength": 1,
    "FlipAngle": 9,
    "InversionTime": 0.9,
    "MagneticFieldStrength": 3,
    "Manufacturer": "Siemens",
    "ManufacturersModelName": "Verio",
    "NumberOfAverages": 1,
    "PercentPhaseFOV": 100,
    "PhaseEncodingSteps": 246,
    "PixelBandwidth": 170,
    "ProtocolName": "t1_mpr_sag_p2_iso",
    "RepetitionTime": 1.9,
    "ScanOptions": "IR",
    "ScanningSequence": "GR\\IR",
    "SequenceVariant": "SP\\MP\\OSP",
    "SeriesDescription": "t1_mpr_ns_sag_p2_iso",
    "SliceThickness": 1,
    "SoftwareVersions": "syngo MR B17",
    "dataset": "ds003763",
    "modality": "T1w",
    "subject_id": "09300"
  },
  "cjv": 0.44211606899774447,
  "cnr": 3.02198192869968,
  "efc": 0.569694278489934,
  "fber": 6501.758768247988,
  "fwhm_avg": 3.919637892361047,
  "fwhm_x": 3.92984,
  "fwhm_y": 3.97994983708314,
  "fwhm_z": 3.8491238400000003,
  "icvs_csf": 0.22529259721313968,
  "icvs_gm": 0.39695802510507155,
  "icvs_wm": 0.37774937768178873,
  "inu_med": 0.5449390411376953,
  "inu_range": 0.21645691692829128,
  "provenance": {
    "md5sum": "1214e3673a3a85866fa3ca51eb62e651",
    "settings": {
      "testing": false
    },
    "software": "mriqc",
    "version": "22.0.6",
    "warnings": {
      "large_rot_frame": true,
      "small_air_mask": false
    },
    "webapi_port": null,
    "webapi_url": "https://mriqc.nimh.nih.gov/api/v1"
  },
  "qi_1": 0.0,
  "qi_2": 0.0074974810607922075,
  "rpve_csf": 24.693159901129853,
  "rpve_gm": 13.727163587706036,
  "rpve_wm": 17.00469133565697,
  "size_x": 176,
  "size_y": 256,
  "size_z": 256,
  "snr_csf": 2.661616345686903,
  "snr_gm": 12.044971174721463,
  "snr_total": 11.410629819258892,
  "snr_wm": 19.525301937368308,
  "snrd_csf": 21.78867674144501,
  "snrd_gm": 50.86100532404817,
  "snrd_total": 46.83562119033536,
  "snrd_wm": 67.8571815055129,
  "spacing_x": 1.0,
  "spacing_y": 0.9765625596046448,
  "spacing_z": 0.9765625,
  "summary_bg_k": 13.170968148727205,
  "summary_bg_mad": 9.655058251562336,
  "summary_bg_mean": 11.880995439143039,
  "summary_bg_median": 6.512237828224897,
  "summary_bg_n": 1939198.0,
  "summary_bg_p05": 0.0,
  "summary_bg_p95": 50.00000050663948,
  "summary_bg_stdv": 19.35199722703072,
  "summary_csf_k": 0.540866345200246,
  "summary_csf_mad": 99.14254446235151,
  "summary_csf_mean": 323.10298511464606,
  "summary_csf_median": 321.11014311388135,
  "summary_csf_n": 39730.0,
  "summary_csf_p05": 102.28802551198751,
  "summary_csf_p95": 530.0546382380644,
  "summary_csf_stdv": 120.64327094106405,
  "summary_gm_k": 0.04511106591526204,
  "summary_gm_mad": 61.494297186125216,
  "summary_gm_mean": 748.6490739727113,
  "summary_gm_median": 749.5629446581006,
  "summary_gm_n": 16152.0,
  "summary_gm_p05": 644.2744820527732,
  "summary_gm_p95": 849.6066519655287,
  "summary_gm_stdv": 62.228437911280594,
  "summary_wm_k": 0.42052790772745663,
  "summary_wm_mad": 49.24727698783473,
  "summary_wm_mean": 1002.4203944299139,
  "summary_wm_median": 1000.0437164269388,
  "summary_wm_n": 196151.0,
  "summary_wm_p05": 922.9021072536707,
  "summary_wm_p95": 1090.6468641981483,
  "summary_wm_stdv": 51.217705644886394,
  "tpm_overlap_csf": 0.14332484629656186,
  "tpm_overlap_gm": 0.4185003728130123,
  "tpm_overlap_wm": 0.46373573881302027,
  "wm2max": 0.41710264870481434
}