{
  "bids_meta": {
    "AcquisitionMatrix": [
      0,
      256,
      246,
      0
    ],
    "EchoTime": 0.00247,
    "EchoTrainLength": 1,
    "FlipAngle": 9,
    "InversionTime": 0.9,
    "MagneticFieldStrength": 3,
    "Manufacturer": "Siemens",
    "ManufacturersModelName": "Verio",
    "NumberOfAverages": 1,
    "PercentPhaseFOV": 100,
    "PhaseEncodingSteps": 246,
    "PixelBandwidth": 170,
    "ProtocolName": "t1_mpr_sag_p2_iso",
    "RepetitionTime": 1.9,
    "ScanOptions": "IR",
    "ScanningSequence": "GR\\IR",
    "SequenceVariant": "SP\\MP\\OSP",
    "SeriesDescription": "t1_mpr_ns_sag_p2_iso",
    "SliceThickness": 1,
    "SoftwareVersions": "syngo MR B17",
    "dataset": "ds003763",
    "modality": "T1w",
    "subject_id": "09607"
  },
  "cjv": 0.38447160056768065,
  "cnr": 3.6405574007662187,
  "efc": 0.5485682663409286,
  "fber": 15635.804336229234,
  "fwhm_avg": 4.291813009726277,
  "fwhm_x": 4.28202,
  "fwhm_y": 4.336486929356314,
  "fwhm_z": 4.256932099822516,
  "icvs_csf": 0.24522051587879629,
  "icvs_gm": 0.39210214041555913,
  "icvs_wm": 0.3626773437056446,
  "inu_med": 0.45855939388275146,
  "inu_range": 0.16170096099376674,
  "provenance": {
    "md5sum": "a949c0f4a0cfe8398793c306d537a2ef",
    "settings": {
      "testing": false
    },
    "software": "mriqc",
    "version": "22.0.6",
    "warnings": {
      "large_rot_frame": true,
      "small_air_mask": false
    },
    "webapi_port": null,
    "webapi_url": "https://mriqc.nimh.nih.gov/api/v1"
  },
  "qi_1": 0.0,
  "qi_2": 0.01426150936448105,
  "rpve_csf": 20.783878163301978,
  "rpve_gm": 12.589108724493299,
  "rpve_wm": 16.03762410632242,
  "size_x": 176,
  "size_y": 256,
  "size_z": 256,
  "snr_csf": 3.178722610239107,
  "snr_gm": 13.250353801074507,
  "snr_total": 13.718633010964007,
  "snr_wm": 24.726822621578407,
  "snrd_csf": 29.5075266168705,
  "snrd_gm": 71.46252063537135,
  "snrd_total": 65.5736180218705,
  "snrd_wm": 95.75080681336965,
  "spacing_x": 1.0,
  "spacing_y": 0.9765623807907104,
  "spacing_z": 0.9765624403953552,
  "summary_bg_k": 6.589930849346581,
  "summary_bg_mad": 0.0,
  "summary_bg_mean": 4.554063512733124,
  "summary_bg_median": 0.0,
  "summary_bg_n": 2743770.0,
  "summary_bg_p05": 0.0,
  "summary_bg_p95": 16.656495690345764,
  "summary_bg_stdv": 6.84234358196278,
  "summary_csf_k": 1.6084839464491818,
  "summary_csf_mad": 72.70110322091953,
  "summary_csf_mean": 316.9190064449052,
  "summary_csf_median": 308.18106789141893,
  "summary_csf_n": 66473.0,
  "summary_csf_p05": 168.75471172481775,
  "summary_csf_p95": 492.694834806025,
  "summary_csf_stdv": 96.95050105911963,
  "summary_gm_k": -0.12805686150606554,
  "summary_gm_mad": 58.19813790049452,
  "summary_gm_mean": 746.469954114081,
  "summary_gm_median": 746.3653666935861,
  "summary_gm_n": 21628.0,
  "summary_gm_p05": 654.2825866933912,
  "summary_gm_p95": 837.9222465604544,
  "summary_gm_stdv": 56.326655355015156,
  "summary_wm_k": 0.28490923100277055,
  "summary_wm_mad": 39.330977511170964,
  "summary_wm_mean": 1000.3757526635565,
  "summary_wm_median": 1000.0358985811472,
  "summary_wm_n": 221846.0,
  "summary_wm_p05": 934.8817182406783,
  "summary_wm_p95": 1067.343936122954,
  "summary_wm_stdv": 40.44327328207899,
  "tpm_overlap_csf": 0.1738557058824185,
  "tpm_overlap_gm": 0.4424613632977358,
  "tpm_overlap_wm": 0.5080884690743219,
  "wm2max": 0.5099878338299578
}