{
  "bids_meta": {
    "AcquisitionMatrix": [
      0,
      256,
      246,
      0
    ],
    "EchoTime": 0.00247,
    "EchoTrainLength": 1,
    "FlipAngle": 9,
    "InversionTime": 0.9,
    "MagneticFieldStrength": 3,
    "Manufacturer": "Siemens",
    "ManufacturersModelName": "Verio",
    "NumberOfAverages": 1,
    "PercentPhaseFOV": 100,
    "PhaseEncodingSteps": 246,
    "PixelBandwidth": 170,
    "ProtocolName": "t1_mpr_sag_p2_iso",
    "RepetitionTime": 1.9,
    "ScanOptions": "IR",
    "ScanningSequence": "GR\\IR",
    "SequenceVariant": "SP\\MP\\OSP",
    "SeriesDescription": "t1_mpr_ns_sag_p2_iso",
    "SliceThickness": 1,
    "SoftwareVersions": "syngo MR B17",
    "dataset": "ds003763",
    "modality": "T1w",
    "subject_id": "10131"
  },
  "cjv": 0.38551432607227143,
  "cnr": 3.619811457552074,
  "efc": 0.5504124203465477,
  "fber": 16803.713696767685,
  "fwhm_avg": 4.290918728556256,
  "fwhm_x": 4.22013,
  "fwhm_y": 4.352717065668767,
  "fwhm_z": 4.299909120000001,
  "icvs_csf": 0.19461821400377757,
  "icvs_gm": 0.42647569562109006,
  "icvs_wm": 0.37890609037513234,
  "inu_med": 0.4417918026447296,
  "inu_range": 0.17823426723480223,
  "provenance": {
    "md5sum": "2324a8deaa5027730c0560a7ab833a5d",
    "settings": {
      "testing": false
    },
    "software": "mriqc",
    "version": "22.0.6",
    "warnings": {
      "large_rot_frame": true,
      "small_air_mask": false
    },
    "webapi_port": null,
    "webapi_url": "https://mriqc.nimh.nih.gov/api/v1"
  },
  "qi_1": 0.0,
  "qi_2": 0.021451192690299905,
  "rpve_csf": 21.412489801112333,
  "rpve_gm": 10.3582696471409,
  "rpve_wm": 13.349905826606523,
  "size_x": 176,
  "size_y": 256,
  "size_z": 256,
  "snr_csf": 2.9151464034857244,
  "snr_gm": 14.347154081761436,
  "snr_total": 13.610343339610802,
  "snr_wm": 23.568729533585245,
  "snrd_csf": 26.552392557655413,
  "snrd_gm": 67.15127264581113,
  "snrd_total": 60.91923301689437,
  "snrd_wm": 89.05403384721656,
  "spacing_x": 1.0,
  "spacing_y": 0.9765624403953552,
  "spacing_z": 0.9765625,
  "summary_bg_k": 7.264947152640147,
  "summary_bg_mad": 0.0,
  "summary_bg_mean": 4.882175968851633,
  "summary_bg_median": 0.0,
  "summary_bg_n": 3219114.0,
  "summary_bg_p05": 0.0,
  "summary_bg_p95": 19.100551337003708,
  "summary_bg_stdv": 7.356904515126815,
  "summary_csf_k": 2.650591521500653,
  "summary_csf_mad": 80.95150635810649,
  "summary_csf_mean": 310.37831206257385,
  "summary_csf_median": 298.1721313223243,
  "summary_csf_n": 57153.0,
  "summary_csf_p05": 164.53089672178032,
  "summary_csf_p95": 502.75156109332994,
  "summary_csf_stdv": 102.2828638764939,
  "summary_gm_k": -0.060178376936890654,
  "summary_gm_mad": 53.271313861463625,
  "summary_gm_mean": 752.9811435059493,
  "summary_gm_median": 754.0803730711341,
  "summary_gm_n": 37629.0,
  "summary_gm_p05": 664.6600460536778,
  "summary_gm_p95": 837.4887232743204,
  "summary_gm_stdv": 52.55888023303297,
  "summary_wm_k": 0.23676009937690834,
  "summary_wm_mad": 41.549303621795154,
  "summary_wm_mean": 1001.0800770654233,
  "summary_wm_median": 1000.0391120091081,
  "summary_wm_n": 275746.0,
  "summary_wm_p05": 933.4220251739025,
  "summary_wm_p95": 1072.5664104260504,
  "summary_wm_stdv": 42.4306833021512,
  "tpm_overlap_csf": 0.16082712393867765,
  "tpm_overlap_gm": 0.44528841134472685,
  "tpm_overlap_wm": 0.5106933703366843,
  "wm2max": 0.4781778709387633
}