{
  "bids_meta": {
    "AcquisitionMatrix": [
      0,
      256,
      246,
      0
    ],
    "EchoTime": 0.00247,
    "EchoTrainLength": 1,
    "FlipAngle": 9,
    "InversionTime": 0.9,
    "MagneticFieldStrength": 3,
    "Manufacturer": "Siemens",
    "ManufacturersModelName": "Verio",
    "NumberOfAverages": 1,
    "PercentPhaseFOV": 100,
    "PhaseEncodingSteps": 246,
    "PixelBandwidth": 170,
    "ProtocolName": "t1_mpr_sag_p2_iso",
    "RepetitionTime": 1.9,
    "ScanOptions": "IR",
    "ScanningSequence": "GR\\IR",
    "SequenceVariant": "SP\\MP\\OSP",
    "SeriesDescription": "t1_mpr_ns_sag_p2_iso",
    "SliceThickness": 1,
    "SoftwareVersions": "syngo MR B17",
    "dataset": "ds003763",
    "modality": "T1w",
    "subject_id": "10684"
  },
  "cjv": 0.4524927153082384,
  "cnr": 3.068143296951984,
  "efc": 0.5095115921585422,
  "fber": 10145.77884585375,
  "fwhm_avg": 4.101282373333333,
  "fwhm_x": 4.11325,
  "fwhm_y": 4.1214976,
  "fwhm_z": 4.06909952,
  "icvs_csf": 0.24452531723560167,
  "icvs_gm": 0.38116739289027574,
  "icvs_wm": 0.3743072898741226,
  "inu_med": 0.5081750750541687,
  "inu_range": 0.1679835021495819,
  "provenance": {
    "md5sum": "194cd32533a86de4c52691259971afc4",
    "settings": {
      "testing": false
    },
    "software": "mriqc",
    "version": "22.0.6",
    "warnings": {
      "large_rot_frame": true,
      "small_air_mask": false
    },
    "webapi_port": null,
    "webapi_url": "https://mriqc.nimh.nih.gov/api/v1"
  },
  "qi_1": 0.0,
  "qi_2": 0.012668780946277337,
  "rpve_csf": 23.93690999939447,
  "rpve_gm": 14.560634349831068,
  "rpve_wm": 17.4459356756765,
  "size_x": 176,
  "size_y": 256,
  "size_z": 256,
  "snr_csf": 3.1908550417412718,
  "snr_gm": 12.098659433494262,
  "snr_total": 11.982821118467209,
  "snr_wm": 20.658948880166093,
  "snrd_csf": 18.207623369690303,
  "snrd_gm": 43.07596955481638,
  "snrd_total": 39.44284801912414,
  "snrd_wm": 57.04495113286574,
  "spacing_x": 1.0,
  "spacing_y": 0.9765625,
  "spacing_z": 0.9765625,
  "summary_bg_k": 13.153863341663051,
  "summary_bg_mad": 0.0,
  "summary_bg_mean": 7.375146759731441,
  "summary_bg_median": 0.0,
  "summary_bg_n": 3769155.0,
  "summary_bg_p05": 0.0,
  "summary_bg_p95": 29.116117000579834,
  "summary_bg_stdv": 11.485061400059356,
  "summary_csf_k": 1.34994178654462,
  "summary_csf_mad": 77.53469781072812,
  "summary_csf_mean": 325.58735866519635,
  "summary_csf_median": 319.1940981298685,
  "summary_csf_n": 59257.0,
  "summary_csf_p05": 163.73483057320118,
  "summary_csf_p95": 503.2928795814514,
  "summary_csf_stdv": 100.03318879739379,
  "summary_gm_k": -0.1606025455585005,
  "summary_gm_mad": 63.91634160867812,
  "summary_gm_mean": 754.8118915400782,
  "summary_gm_median": 755.1559571474791,
  "summary_gm_n": 10769.0,
  "summary_gm_p05": 651.8890624165535,
  "summary_gm_p95": 857.7816040635109,
  "summary_gm_stdv": 62.4136003596714,
  "summary_wm_k": 0.39109632617691803,
  "summary_wm_mad": 46.8933963561156,
  "summary_wm_mean": 1001.7684006546191,
  "summary_wm_median": 1000.0432983487844,
  "summary_wm_n": 189593.0,
  "summary_wm_p05": 925.6498863101006,
  "summary_wm_p95": 1084.0554276108742,
  "summary_wm_stdv": 48.407141467059546,
  "tpm_overlap_csf": 0.16657520972169013,
  "tpm_overlap_gm": 0.4373191324845903,
  "tpm_overlap_wm": 0.5100023409437997,
  "wm2max": 0.4410494534892609
}