{
  "bids_meta": {
    "AcquisitionMatrix": [
      0,
      256,
      246,
      0
    ],
    "EchoTime": 0.00247,
    "EchoTrainLength": 1,
    "FlipAngle": 9,
    "InversionTime": 0.9,
    "MagneticFieldStrength": 3,
    "Manufacturer": "Siemens",
    "ManufacturersModelName": "Verio",
    "NumberOfAverages": 1,
    "PercentPhaseFOV": 100,
    "PhaseEncodingSteps": 246,
    "PixelBandwidth": 170,
    "ProtocolName": "t1_mpr_sag_p2_iso",
    "RepetitionTime": 1.9,
    "ScanOptions": "IR",
    "ScanningSequence": "GR\\IR",
    "SequenceVariant": "SP\\MP\\OSP",
    "SeriesDescription": "t1_mpr_ns_sag_p2_iso",
    "SliceThickness": 1,
    "SoftwareVersions": "syngo MR B17",
    "dataset": "ds003763",
    "modality": "T1w",
    "subject_id": "09301"
  },
  "cjv": 0.4319936534107232,
  "cnr": 3.24718484888096,
  "efc": 0.5853776709407944,
  "fber": 17989.284375743162,
  "fwhm_avg": 4.051173621025214,
  "fwhm_x": 4.04126,
  "fwhm_y": 4.2094487030756405,
  "fwhm_z": 3.90281216,
  "icvs_csf": 0.1957620315330488,
  "icvs_gm": 0.4086999503887222,
  "icvs_wm": 0.395538018078229,
  "inu_med": 0.44365285336971283,
  "inu_range": 0.14729018509387964,
  "provenance": {
    "md5sum": "ba39ed9e271557163b922117bb1831ac",
    "settings": {
      "testing": false
    },
    "software": "mriqc",
    "version": "22.0.6",
    "warnings": {
      "large_rot_frame": true,
      "small_air_mask": false
    },
    "webapi_port": null,
    "webapi_url": "https://mriqc.nimh.nih.gov/api/v1"
  },
  "qi_1": 0.0,
  "qi_2": 0.014582415444443058,
  "rpve_csf": 28.745277745049624,
  "rpve_gm": 14.246875539508943,
  "rpve_wm": 17.107193636455964,
  "size_x": 176,
  "size_y": 256,
  "size_z": 256,
  "snr_csf": 2.6365024480358072,
  "snr_gm": 14.130145835914272,
  "snr_total": 13.154995145108243,
  "snr_wm": 22.698337151374652,
  "snrd_csf": 27.136472438066033,
  "snrd_gm": 67.6556110074529,
  "snrd_total": 60.84777115533242,
  "snrd_wm": 87.7512300204783,
  "spacing_x": 1.0,
  "spacing_y": 0.9765625596046448,
  "spacing_z": 0.9765625,
  "summary_bg_k": 7.377241629671207,
  "summary_bg_mad": 0.0,
  "summary_bg_mean": 4.423568474114552,
  "summary_bg_median": 0.0,
  "summary_bg_n": 1896041.0,
  "summary_bg_p05": 0.0,
  "summary_bg_p95": 19.301056005060673,
  "summary_bg_stdv": 7.46645064930895,
  "summary_csf_k": 0.6463560387436171,
  "summary_csf_mad": 94.43210189359262,
  "summary_csf_mean": 313.8037904849804,
  "summary_csf_median": 309.2686229236424,
  "summary_csf_n": 32391.0,
  "summary_csf_p05": 108.66083870083094,
  "summary_csf_p95": 524.2495339587331,
  "summary_csf_stdv": 117.30080096347125,
  "summary_gm_k": -0.05824607219728861,
  "summary_gm_mad": 55.40503721674357,
  "summary_gm_mean": 769.1992263266065,
  "summary_gm_median": 771.0566543638706,
  "summary_gm_n": 21774.0,
  "summary_gm_p05": 676.7689424753189,
  "summary_gm_p95": 855.1599792540073,
  "summary_gm_stdv": 54.56694907550491,
  "summary_wm_k": 0.19205695952558255,
  "summary_wm_mad": 43.5325292417271,
  "summary_wm_mean": 1001.9038945791957,
  "summary_wm_median": 1000.0821635983884,
  "summary_wm_n": 211979.0,
  "summary_wm_p05": 932.7337979637086,
  "summary_wm_p95": 1077.122123312205,
  "summary_wm_stdv": 44.05960656977136,
  "tpm_overlap_csf": 0.1619279361724628,
  "tpm_overlap_gm": 0.445324910894183,
  "tpm_overlap_wm": 0.5086068695728246,
  "wm2max": 0.45369525122491944
}